{
  "aor": 0.005316443514644352,
  "aqi": 0.027496668619246864,
  "bids_meta": {
    "AcquisitionMatrixPE": 68,
    "AcquisitionNumber": 1,
    "AcquisitionTime": "12:39:40.760000",
    "BandwidthPerPixelPhaseEncode": 31.289,
    "BaseResolution": 68,
    "CogAtlasID": "TODO",
    "CoilString": "C:HEA;HEP",
    "ConversionSoftware": "dcm2niix",
    "ConversionSoftwareVersion": "v1.0.20190902",
    "DerivedVendorReportedEchoSpacing": 0.000470002,
    "DeviceSerialNumber": "35450",
    "DwellTime": 3e-06,
    "EchoTime": 0.023,
    "EffectiveEchoSpacing": 0.000470002,
    "FlipAngle": 76,
    "ImageOrientationPatientDICOM": [
      1,
      0,
      0,
      0,
      0.998135,
      -0.0610485
    ],
    "ImageType": [
      "ORIGINAL",
      "PRIMARY",
      "M",
      "ND",
      "MOSAIC"
    ],
    "ImagingFrequency": 123.219,
    "InPlanePhaseEncodingDirectionDICOM": "COL",
    "InstitutionAddress": "Univeristy_Ave._197_Newark_North_East_US_07102-1814",
    "InstitutionName": "RUBIC",
    "InstitutionalDepartmentName": "Department",
    "MRAcquisitionType": "2D",
    "MagneticFieldStrength": 3,
    "Manufacturer": "Siemens",
    "ManufacturersModelName": "TrioTim",
    "Modality": "MR",
    "PartialFourier": 1,
    "PatientPosition": "HFS",
    "PercentPhaseFOV": 100,
    "PhaseEncodingDirection": "j-",
    "PhaseEncodingSteps": 68,
    "PhaseResolution": 1,
    "PixelBandwidth": 2451,
    "ProcedureStepDescription": "Krekelberg_David",
    "ProtocolName": "ep2d_bold_RestEPI_4",
    "PulseSequenceDetails": "%SiemensSeq%_ep2d_bold",
    "ReceiveCoilName": "HeadMatrix",
    "ReconMatrixPE": 68,
    "RepetitionTime": 2,
    "SAR": 0.216452,
    "ScanOptions": "FS",
    "ScanningSequence": "EP",
    "SequenceName": "_epfid2d1_68",
    "SequenceVariant": "SK",
    "SeriesDescription": "ep2d_bold_RestEPI_4",
    "SeriesNumber": 11,
    "ShimSetting": [
      1959,
      -642,
      -7555,
      728,
      93,
      -121,
      101,
      -74
    ],
    "SliceThickness": 2.5,
    "SliceTiming": [
      1.95,
      1.895,
      1.84,
      1.7825,
      1.7275,
      1.6725,
      1.615,
      1.56,
      1.505,
      1.45,
      1.3925,
      1.3375,
      1.2825,
      1.225,
      1.17,
      1.115,
      1.0575,
      1.0025,
      0.9475,
      0.89,
      0.835,
      0.78,
      0.725,
      0.6675,
      0.6125,
      0.5575,
      0.5,
      0.445,
      0.39,
      0.3325,
      0.2775,
      0.2225,
      0.165,
      0.11,
      0.055,
      0
    ],
    "SoftwareVersions": "syngo_MR_B19",
    "SpacingBetweenSlices": 3,
    "StationName": "MRC35450",
    "TaskName": "rest",
    "TotalReadoutTime": 0.0314901,
    "TxRefAmp": 375.27,
    "dataset": "<unset>",
    "dcmmeta_affine": [
      [
        -3.0,
        0.0,
        0.0,
        101.32203674316406
      ],
      [
        0.0,
        2.9944043159484863,
        -0.18314561247825623,
        -73.23741149902344
      ],
      [
        0.0,
        0.18314561247825623,
        2.9944043159484863,
        -38.10689926147461
      ],
      [
        0.0,
        0.0,
        0.0,
        1.0
      ]
    ],
    "dcmmeta_reorient_transform": [
      [
        0.0,
        -1.0,
        0.0,
        67.0
      ],
      [
        1.0,
        0.0,
        0.0,
        0.0
      ],
      [
        0.0,
        0.0,
        1.0,
        0.0
      ],
      [
        0.0,
        0.0,
        0.0,
        1.0
      ]
    ],
    "dcmmeta_shape": [
      68,
      68,
      36,
      240
    ],
    "dcmmeta_slice_dim": 2,
    "dcmmeta_version": 0.6,
    "global": {
      "const": {
        "AcquisitionMatrix": [
          68,
          0,
          0,
          68
        ],
        "AngioFlag": "N",
        "BitsAllocated": 16,
        "BitsStored": 12,
        "Columns": 408,
        "EchoNumbers": 1,
        "EchoTime": 23.0,
        "EchoTrainLength": 1,
        "FlipAngle": 76.0,
        "HighBit": 11,
        "ImageOrientationPatient": [
          1.0,
          0.0,
          0.0,
          0.0,
          0.99813479839876,
          -0.0610485399126
        ],
        "ImagePositionPatient": [
          -611.32203388214,
          -636.43642707048,
          5.2986113337671
        ],
        "ImageType": [
          "ORIGINAL",
          "PRIMARY",
          "M",
          "ND",
          "MOSAIC"
        ],
        "ImagedNucleus": "1H",
        "ImagingFrequency": 123.218583,
        "InPlanePhaseEncodingDirection": "COL",
        "MRAcquisitionType": "2D",
        "MagneticFieldStrength": 3.0,
        "Manufacturer": "SIEMENS",
        "ManufacturerModelName": "TrioTim",
        "Modality": "MR",
        "NumberOfAverages": 1.0,
        "NumberOfPhaseEncodingSteps": 68,
        "PercentPhaseFieldOfView": 100.0,
        "PercentSampling": 100.0,
        "PerformedProcedureStepStartTime": "112512.640000",
        "PhotometricInterpretation": "MONOCHROME2",
        "PixelBandwidth": 2451.0,
        "PixelRepresentation": 0,
        "PixelSpacing": [
          3.0,
          3.0
        ],
        "ProtocolName": "ep2d_bold_RestEPI_4",
        "RepetitionTime": 2000.0,
        "Rows": 408,
        "SAR": 0.21645176775648,
        "SamplesPerPixel": 1,
        "ScanOptions": "FS",
        "ScanningSequence": "EP",
        "SequenceName": "*epfid2d1_68",
        "SequenceVariant": "SK",
        "SeriesDescription": "ep2d_bold_RestEPI_4",
        "SeriesNumber": 11,
        "SeriesTime": "124001.015000",
        "SliceLocation": -33.564786264452,
        "SliceThickness": 2.5,
        "SmallestImagePixelValue": 0,
        "SoftwareVersions": "syngo MR B19",
        "SpacingBetweenSlices": 2.999999989645,
        "SpecificCharacterSet": "ISO_IR 100",
        "StudyID": "1",
        "StudyTime": "112512.531000",
        "TransmitCoilName": "Body",
        "VariableFlipAngleFlag": "N",
        "WindowCenterWidthExplanation": "Algo1",
        "dBdt": 0.0
      },
