{
  "bids_meta": {
    "AcquisitionMatrixPE": 256,
    "AcquisitionNumber": 1,
    "AcquisitionTime": "15:55:29.032500",
    "BaseResolution": 256,
    "CoilString": "T:HEA;HEP",
    "ConversionSoftware": "dcm2niix",
    "ConversionSoftwareVersion": "v1.0.20190902",
    "DeviceSerialNumber": "35450",
    "DwellTime": 1.15e-05,
    "EchoTime": 0.00252,
    "FlipAngle": 9,
    "ImageOrientationPatientDICOM": [
      -0.0348995,
      0.999391,
      -1.25508e-08,
      -0.0313916,
      -0.00109623,
      -0.999507
    ],
    "ImageType": [
      "ORIGINAL",
      "PRIMARY",
      "M",
      "ND",
      "NORM"
    ],
    "ImagingFrequency": 123.219,
    "InPlanePhaseEncodingDirectionDICOM": "ROW",
    "InstitutionAddress": "Univeristy_Ave._197_Newark_North_East_US_07102-1814",
    "InstitutionName": "RUBIC",
    "InstitutionalDepartmentName": "Department",
    "InversionTime": 0.9,
    "MRAcquisitionType": "3D",
    "MagneticFieldStrength": 3,
    "Manufacturer": "Siemens",
    "ManufacturersModelName": "TrioTim",
    "Modality": "MR",
    "ParallelReductionFactorInPlane": 2,
    "PartialFourier": 1,
    "PatientPosition": "HFS",
    "PercentPhaseFOV": 100,
    "PhaseEncodingSteps": 255,
    "PhaseResolution": 1,
    "PixelBandwidth": 170,
    "ProcedureStepDescription": "Krekelberg_David",
    "ProtocolName": "t1_mpr_ns_sag_p2_iso_12Channel",
    "PulseSequenceDetails": "%SiemensSeq%_tfl",
    "ReceiveCoilName": "HeadMatrix",
    "ReconMatrixPE": 256,
    "RefLinesPE": 24,
    "RepetitionTime": 1.9,
    "SAR": 0.136142,
    "ScanOptions": "IR",
    "ScanningSequence": "GR_IR",
    "SequenceName": "_tfl3d1_ns",
    "SequenceVariant": "SP_MP",
    "SeriesDescription": "t1_mpr_ns_sag_p2_iso_12Channel",
    "SeriesNumber": 2,
    "ShimSetting": [
      1962,
      -560,
      -7993,
      406,
      72,
      417,
      -339,
      -235
    ],
    "SliceThickness": 1,
    "SoftwareVersions": "syngo_MR_B19",
    "StationName": "MRC35450",
    "TxRefAmp": 341.399,
    "dataset": "<unset>",
    "dcmmeta_affine": [
      [
        0.9988976716995239,
        -0.0348995067179203,
        -0.031391605734825134,
        -75.59512329101562
      ],
      [
        0.034882284700870514,
        0.9993908405303955,
        -0.0010962318629026413,
        -87.10218811035156
      ],
      [
        0.031410738825798035,
        1.2550845696068791e-08,
        0.9995065331459045,
        -149.34678649902344
      ],
      [
        0.0,
        0.0,
        0.0,
        1.0
      ]
    ],
    "dcmmeta_reorient_transform": [
      [
        0.0,
        0.0,
        -1.0,
        255.0
      ],
      [
        0.0,
        -1.0,
        0.0,
        255.0
      ],
      [
        -1.0,
        0.0,
        0.0,
        175.0
      ],
      [
        0.0,
        0.0,
        0.0,
        1.0
      ]
    ],
    "dcmmeta_shape": [
      176,
      256,
      256
    ],
    "dcmmeta_slice_dim": 0,
    "dcmmeta_version": 0.6,
    "global": {
      "const": {
        "AcquisitionMatrix": [
          0,
          256,
          256,
          0
        ],
        "AcquisitionNumber": 1,
        "AcquisitionTime": "155529.032500",
        "AngioFlag": "N",
        "BitsAllocated": 16,
        "BitsStored": 12,
        "Columns": 256,
        "EchoNumbers": 1,
        "EchoTime": 2.52,
        "EchoTrainLength": 1,
        "FlipAngle": 9.0,
        "HighBit": 11,
        "ImageOrientationPatient": [
          -0.0348995065156,
          0.99939082667642,
          -1.2550846e-08,
          -0.0313916042111,
          -0.0010962318355,
          -0.9995065609894
        ],
        "ImageType": [
          "ORIGINAL",
          "PRIMARY",
          "M",
          "ND",
          "NORM"
        ],
        "ImagedNucleus": "1H",
        "ImagingFrequency": 123.218516,
        "InPlanePhaseEncodingDirection": "ROW",
        "InversionTime": 900.0,
        "MRAcquisitionType": "3D",
        "MagneticFieldStrength": 3.0,
        "Manufacturer": "SIEMENS",
        "ManufacturerModelName": "TrioTim",
        "Modality": "MR",
        "NumberOfAverages": 1.0,
        "NumberOfPhaseEncodingSteps": 255,
        "PercentPhaseFieldOfView": 100.0,
        "PercentSampling": 100.0,
        "PerformedProcedureStepStartTime": "154339.687000",
        "PhotometricInterpretation": "MONOCHROME2",
        "PixelBandwidth": 170.0,
        "PixelRepresentation": 0,
        "PixelSpacing": [
          1.0,
          1.0
        ],
        "ProtocolName": "t1_mpr_ns_sag_p2_iso_12Channel",
        "RepetitionTime": 1900.0,
        "Rows": 256,
        "SAR": 0.13614200549897,
        "SamplesPerPixel": 1,
        "ScanOptions": "IR",
        "ScanningSequence": [
          "GR",
          "IR"
        ],
        "SequenceName": "*tfl3d1_ns",
        "SequenceVariant": [
          "SP",
          "MP"
        ],
        "SeriesDescription": "t1_mpr_ns_sag_p2_iso_12Channel",
        "SeriesNumber": 2,
        "SeriesTime": "155954.171000",
        "SliceThickness": 1.0,
        "SmallestImagePixelValue": 0,
        "SoftwareVersions": "syngo MR B19",
        "SpecificCharacterSet": "ISO_IR 100",
        "StudyID": "1",
        "StudyTime": "154339.640000",
        "TransmitCoilName": "Body",
        "VariableFlipAngleFlag": "N",
        "dBdt": 0.0
      },
