{
  "bids_meta": {
    "AcquisitionMatrixPE": 262,
    "AcquisitionNumber": 1,
    "AcquisitionTime": "12:44:25.610000",
    "BaseResolution": 256,
    "CoilString": "T:HEA;HEP",
    "ConversionSoftware": "dcm2niix",
    "ConversionSoftwareVersion": "v1.0.20190902",
    "DeviceSerialNumber": "35450",
    "DwellTime": 2.6e-06,
    "EchoTime": 0.494,
    "EchoTrainLength": 147,
    "FlipAngle": 120,
    "ImageOrientationPatientDICOM": [
      -0.045363,
      0.998971,
      0,
      0,
      0,
      -1
    ],
    "ImageType": [
      "ORIGINAL",
      "PRIMARY",
      "M",
      "ND"
    ],
    "ImagingFrequency": 123.219,
    "InPlanePhaseEncodingDirectionDICOM": "ROW",
    "InstitutionAddress": "Univeristy_Ave._197_Newark_North_East_US_07102-1814",
    "InstitutionName": "RUBIC",
    "InstitutionalDepartmentName": "Department",
    "MRAcquisitionType": "3D",
    "MagneticFieldStrength": 3,
    "Manufacturer": "Siemens",
    "ManufacturersModelName": "TrioTim",
    "Modality": "MR",
    "ParallelReductionFactorInPlane": 2,
    "PartialFourier": 1,
    "PatientPosition": "HFS",
    "PercentPhaseFOV": 100,
    "PhaseEncodingSteps": 258,
    "PhaseResolution": 1.02344,
    "PixelBandwidth": 751,
    "ProcedureStepDescription": "Krekelberg_David",
    "ProtocolName": "t2_spc_sag_p2_iso",
    "PulseSequenceDetails": "%SiemensSeq%_tse_vfl",
    "ReceiveCoilName": "HeadMatrix",
    "ReconMatrixPE": 256,
    "RefLinesPE": 32,
    "RepetitionTime": 3.2,
    "SAR": 0.327615,
    "ScanOptions": "PFP",
    "ScanningSequence": "SE",
    "SequenceName": "_spc3d1_294ns",
    "SequenceVariant": "SK_SP",
    "SeriesDescription": "t2_spc_sag_p2_iso",
    "SeriesNumber": 12,
    "ShimSetting": [
      1962,
      -560,
      -7993,
      406,
      72,
      417,
      -339,
      -235
    ],
    "SliceThickness": 1,
    "SoftwareVersions": "syngo_MR_B19",
    "StationName": "MRC35450",
    "TxRefAmp": 336.035,
    "dataset": "<unset>",
    "dcmmeta_affine": [
      [
        0.9989705681800842,
        -0.045363012701272964,
        0.0,
        -83.00475311279297
      ],
      [
        0.045363012701272964,
        0.9989705681800842,
        0.0,
        -105.75377655029297
      ],
      [
        0.0,
        0.0,
        1.0,
        -141.91525268554688
      ],
      [
        0.0,
        0.0,
        0.0,
        1.0
      ]
    ],
    "dcmmeta_reorient_transform": [
      [
        0.0,
        0.0,
        -1.0,
        255.0
      ],
      [
        0.0,
        -1.0,
        0.0,
        255.0
      ],
      [
        -1.0,
        0.0,
        0.0,
        175.0
      ],
      [
        0.0,
        0.0,
        0.0,
        1.0
      ]
    ],
    "dcmmeta_shape": [
      176,
      256,
      256
    ],
    "dcmmeta_slice_dim": 0,
    "dcmmeta_version": 0.6,
    "global": {
      "const": {
        "AcquisitionMatrix": [
          0,
          256,
          262,
          0
        ],
        "AcquisitionNumber": 1,
        "AcquisitionTime": "124425.610000",
        "AngioFlag": "N",
        "BitsAllocated": 16,
        "BitsStored": 12,
        "Columns": 256,
        "EchoNumbers": 1,
        "EchoTime": 494.0,
        "EchoTrainLength": 147,
        "FlipAngle": 120.0,
        "HighBit": 11,
        "ImageOrientationPatient": [
          -0.0453630129818,
          0.99897056866217,
          0.0,
          0.0,
          0.0,
          -1.0
        ],
        "ImageType": [
          "ORIGINAL",
          "PRIMARY",
          "M",
          "ND"
        ],
        "ImagedNucleus": "1H",
        "ImagingFrequency": 123.218665,
        "InPlanePhaseEncodingDirection": "ROW",
        "MRAcquisitionType": "3D",
        "MagneticFieldStrength": 3.0,
        "Manufacturer": "SIEMENS",
        "ManufacturerModelName": "TrioTim",
        "Modality": "MR",
        "NumberOfAverages": 1.0,
        "NumberOfPhaseEncodingSteps": 258,
        "PercentPhaseFieldOfView": 100.0,
        "PercentSampling": 102.3438,
        "PerformedProcedureStepStartTime": "111733.328000",
        "PhotometricInterpretation": "MONOCHROME2",
        "PixelBandwidth": 751.0,
        "PixelRepresentation": 0,
        "PixelSpacing": [
          1.0,
          1.0
        ],
        "ProtocolName": "t2_spc_sag_p2_iso",
        "RepetitionTime": 3200.0,
        "Rows": 256,
        "SAR": 0.32761525212564,
        "SamplesPerPixel": 1,
        "ScanOptions": "PFP",
        "ScanningSequence": "SE",
        "SequenceName": "*spc3d1_294ns",
        "SequenceVariant": [
          "SK",
          "SP"
        ],
        "SeriesDescription": "t2_spc_sag_p2_iso",
        "SeriesNumber": 12,
        "SeriesTime": "124915.296000",
        "SliceThickness": 1.0,
        "SmallestImagePixelValue": 0,
        "SoftwareVersions": "syngo MR B19",
        "SpecificCharacterSet": "ISO_IR 100",
        "StudyID": "1",
        "StudyTime": "111733.296000",
        "TransmitCoilName": "Body",
        "VariableFlipAngleFlag": "Y",
        "WindowCenterWidthExplanation": "Algo1",
        "dBdt": 0.0
      },
