{
  "aor": 0.000705968992248062,
  "aqi": 0.008054523372093022,
  "bids_meta": {
    "AcquisitionMatrixPE": 68,
    "AcquisitionNumber": 1,
    "AcquisitionTime": "12:06:58.607500",
    "BandwidthPerPixelPhaseEncode": 31.289,
    "BaseResolution": 68,
    "CogAtlasID": "TODO",
    "CoilString": "C:HEA;HEP",
    "ConversionSoftware": "dcm2niix",
    "ConversionSoftwareVersion": "v1.0.20190902",
    "DerivedVendorReportedEchoSpacing": 0.000470002,
    "DeviceSerialNumber": "35450",
    "DwellTime": 3e-06,
    "EchoTime": 0.023,
    "EffectiveEchoSpacing": 0.000470002,
    "FlipAngle": 76,
    "ImageOrientationPatientDICOM": [
      1,
      0,
      0,
      0,
      0.999743,
      -0.0226873
    ],
    "ImageType": [
      "ORIGINAL",
      "PRIMARY",
      "M",
      "ND",
      "MOSAIC"
    ],
    "ImagingFrequency": 123.219,
    "InPlanePhaseEncodingDirectionDICOM": "COL",
    "InstitutionAddress": "Univeristy_Ave._197_Newark_North_East_US_07102-1814",
    "InstitutionName": "RUBIC",
    "InstitutionalDepartmentName": "Department",
    "MRAcquisitionType": "2D",
    "MagneticFieldStrength": 3,
    "Manufacturer": "Siemens",
    "ManufacturersModelName": "TrioTim",
    "Modality": "MR",
    "PartialFourier": 1,
    "PatientPosition": "HFS",
    "PercentPhaseFOV": 100,
    "PhaseEncodingDirection": "j-",
    "PhaseEncodingSteps": 68,
    "PhaseResolution": 1,
    "PixelBandwidth": 2451,
    "ProcedureStepDescription": "Krekelberg_David",
    "ProtocolName": "ep2d_bold_CardGameEPI_3",
    "PulseSequenceDetails": "%SiemensSeq%_ep2d_bold",
    "ReceiveCoilName": "HeadMatrix",
    "ReconMatrixPE": 68,
    "RepetitionTime": 2,
    "SAR": 0.173057,
    "ScanOptions": "FS",
    "ScanningSequence": "EP",
    "SequenceName": "_epfid2d1_68",
    "SequenceVariant": "SK",
    "SeriesDescription": "ep2d_bold_CardGameEPI_3",
    "SeriesNumber": 13,
    "ShimSetting": [
      1927,
      -647,
      -7593,
      724,
      -3,
      3,
      -22,
      32
    ],
    "SliceThickness": 2.5,
    "SliceTiming": [
      1.9525,
      1.895,
      1.84,
      1.785,
      1.7275,
      1.6725,
      1.6175,
      1.56,
      1.505,
      1.45,
      1.3925,
      1.3375,
      1.2825,
      1.2275,
      1.17,
      1.115,
      1.06,
      1.0025,
      0.9475,
      0.8925,
      0.835,
      0.78,
      0.725,
      0.67,
      0.6125,
      0.5575,
      0.5025,
      0.445,
      0.39,
      0.335,
      0.2775,
      0.2225,
      0.1675,
      0.11,
      0.055,
      0
    ],
    "SoftwareVersions": "syngo_MR_B19",
    "SpacingBetweenSlices": 3,
    "StationName": "MRC35450",
    "TaskName": "cardgame",
    "TotalReadoutTime": 0.0314901,
    "TxRefAmp": 334.055,
    "dataset": "<unset>",
    "dcmmeta_affine": [
      [
        -3.0,
        0.0,
        0.0,
        98.61016845703125
      ],
      [
        0.0,
        2.99922776222229,
        -0.06806199997663498,
        -70.66478729248047
      ],
      [
        0.0,
        0.06806199997663498,
        2.99922776222229,
        -45.918975830078125
      ],
      [
        0.0,
        0.0,
        0.0,
        1.0
      ]
    ],
    "dcmmeta_reorient_transform": [
      [
        0.0,
        -1.0,
        0.0,
        67.0
      ],
      [
        1.0,
        0.0,
        0.0,
        0.0
      ],
      [
        0.0,
        0.0,
        1.0,
        0.0
      ],
      [
        0.0,
        0.0,
        0.0,
        1.0
      ]
    ],
    "dcmmeta_shape": [
      68,
      68,
      36,
      258
    ],
    "dcmmeta_slice_dim": 2,
    "dcmmeta_version": 0.6,
    "global": {
      "const": {
        "AcquisitionMatrix": [
          68,
          0,
          0,
          68
        ],
        "AngioFlag": "N",
        "BitsAllocated": 16,
        "BitsStored": 12,
        "Columns": 408,
        "EchoNumbers": 1,
        "EchoTime": 23.0,
        "EchoTrainLength": 1,
        "FlipAngle": 76.0,
        "HighBit": 11,
        "ImageOrientationPatient": [
          1.0,
          0.0,
          0.0,
          0.0,
          0.99974260931238,
          -0.0226873340276
        ],
        "ImagePositionPatient": [
          -608.61016941071,
          -640.15220742896,
          -29.788279431571
        ],
        "ImageType": [
          "ORIGINAL",
          "PRIMARY",
          "M",
          "ND",
          "MOSAIC"
        ],
        "ImagedNucleus": "1H",
        "ImagingFrequency": 123.218552,
        "InPlanePhaseEncodingDirection": "COL",
        "MRAcquisitionType": "2D",
        "MagneticFieldStrength": 3.0,
        "Manufacturer": "SIEMENS",
        "ManufacturerModelName": "TrioTim",
        "Modality": "MR",
        "NumberOfAverages": 1.0,
        "NumberOfPhaseEncodingSteps": 68,
        "PercentPhaseFieldOfView": 100.0,
        "PercentSampling": 100.0,
        "PerformedProcedureStepStartTime": "104611.937000",
        "PhotometricInterpretation": "MONOCHROME2",
        "PixelBandwidth": 2451.0,
        "PixelRepresentation": 0,
        "PixelSpacing": [
          3.0,
          3.0
        ],
        "ProtocolName": "ep2d_bold_CardGameEPI_3",
        "RepetitionTime": 2000.0,
        "Rows": 408,
        "SAR": 0.17305749167329,
        "SamplesPerPixel": 1,
        "ScanOptions": "FS",
        "ScanningSequence": "EP",
        "SequenceName": "*epfid2d1_68",
        "SequenceVariant": "SK",
        "SeriesDescription": "ep2d_bold_CardGameEPI_3",
        "SeriesNumber": 13,
        "SeriesTime": "120754.500000",
        "SliceLocation": -44.303959164274,
        "SliceThickness": 2.5,
        "SmallestImagePixelValue": 0,
        "SoftwareVersions": "syngo MR B19",
        "SpacingBetweenSlices": 2.999999969363,
        "SpecificCharacterSet": "ISO_IR 100",
        "StudyID": "1",
        "StudyTime": "104611.828000",
        "TransmitCoilName": "Body",
        "VariableFlipAngleFlag": "N",
        "WindowCenterWidthExplanation": "Algo1",
        "dBdt": 0.0
      },
