{
    "AcquisitionMatrixPE": 68, 
    "AcquisitionNumber": 1, 
    "AcquisitionTime": "10:37:20.145000", 
    "BaseResolution": 68, 
    "CoilString": "C:HEA;HEP", 
    "ConversionSoftware": "dcm2niix", 
    "ConversionSoftwareVersion": "v1.0.20190902", 
    "DeviceSerialNumber": "35450", 
    "DwellTime": 2.82e-05, 
    "EchoNumber": 2, 
    "EchoTime": 0.00765, 
    "FlipAngle": 60, 
    "ImageOrientationPatientDICOM": [
        0.99961, 
        0.00717954, 
        0.0269828, 
        3.16756e-08, 
        0.966376, 
        -0.257133
    ], 
    "ImageType": [
        "ORIGINAL", 
        "PRIMARY", 
        "M", 
        "ND"
    ], 
    "ImagingFrequency": 123.218, 
    "InPlanePhaseEncodingDirectionDICOM": "COL", 
    "InstitutionAddress": "Univeristy_Ave._197_Newark_North_East_US_07102-1814", 
    "InstitutionName": "RUBIC", 
    "InstitutionalDepartmentName": "Department", 
    "IntendedFor": [
        "func/sub-230_task-rest_run-03_bold.nii.gz", 
        "func/sub-230_task-rest_run-01_bold.nii.gz", 
        "func/sub-230_task-cardgame_run-03_bold.nii.gz", 
        "func/sub-230_task-cardgame_run-01_bold.nii.gz", 
        "func/sub-230_task-rest_run-04_bold.nii.gz", 
        "func/sub-230_task-cardgame_run-02_bold.nii.gz", 
        "func/sub-230_task-rest_run-02_bold.nii.gz"
    ], 
    "MRAcquisitionType": "2D", 
    "MagneticFieldStrength": 3, 
    "Manufacturer": "Siemens", 
    "ManufacturersModelName": "TrioTim", 
    "Modality": "MR", 
    "PartialFourier": 1, 
    "PatientPosition": "HFS", 
    "PercentPhaseFOV": 100, 
    "PhaseEncodingDirection": "j-", 
    "PhaseEncodingSteps": 68, 
    "PhaseResolution": 1, 
    "PixelBandwidth": 261, 
    "ProcedureStepDescription": "Krekelberg_David", 
    "ProtocolName": "gre_field_mapping", 
    "PulseSequenceDetails": "%SiemensSeq%_gre_field_mapping", 
    "ReceiveCoilName": "HeadMatrix", 
    "ReconMatrixPE": 68, 
    "RepetitionTime": 0.402, 
    "SAR": 0.255231, 
    "ScanningSequence": "GR", 
    "SequenceName": "_fm2d2r", 
    "SequenceVariant": "SP", 
    "SeriesDescription": "gre_field_mapping", 
    "SeriesNumber": 3, 
    "ShimSetting": [
        1964, 
        -608, 
        -7552, 
        1098, 
        134, 
        -16, 
        -197, 
        -115
    ], 
    "SliceThickness": 2.5, 
    "SliceTiming": [
        0.20312, 
        0, 
        0.21094, 
        0.00781, 
        0.21875, 
        0.02344, 
        0.23438, 
        0.03125, 
        0.24219, 
        0.03906, 
        0.25781, 
        0.05469, 
        0.26562, 
        0.0625, 
        0.27344, 
        0.07812, 
        0.28906, 
        0.08594, 
        0.29688, 
        0.09375, 
        0.3125, 
        0.10938, 
        0.32031, 
        0.11719, 
        0.33594, 
        0.13281, 
        0.34375, 
        0.14062, 
        0.35156, 
        0.15625, 
        0.36719, 
        0.16406, 
        0.375, 
        0.17969, 
        0.39062, 
        0.1875
    ], 
    "SoftwareVersions": "syngo_MR_B19", 
    "SpacingBetweenSlices": 3, 
    "StationName": "MRC35450", 
    "TxRefAmp": 315.632
}