{
  "AcquisitionMatrixPE": 68,
  "AcquisitionNumber": 1,
  "AcquisitionTime": "11:57:27.407500",
  "BandwidthPerPixelPhaseEncode": 31.289,
  "BaseResolution": 68,
  "CoilString": "C:HEA;HEP",
  "ConversionSoftware": "dcm2niix",
  "ConversionSoftwareVersion": "v1.0.20190902",
  "DerivedVendorReportedEchoSpacing": 0.000470002,
  "DeviceSerialNumber": "35450",
  "DwellTime": 3e-06,
  "EchoTime": 0.023,
  "EffectiveEchoSpacing": 0.000470002,
  "FlipAngle": 76,
  "ImageOrientationPatientDICOM": [0.999877, -0.00267352, -0.0154781, -8.8598e-09, 0.985408, -0.170209],
  "ImageType": [
    "ORIGINAL",
    "PRIMARY",
    "M",
    "ND",
    "MOSAIC"
],
  "ImagingFrequency": 123.218,
  "InPlanePhaseEncodingDirectionDICOM": "COL",
  "InstitutionAddress": "Univeristy_Ave._197_Newark_North_East_US_07102-1814",
  "InstitutionName": "RUBIC",
  "InstitutionalDepartmentName": "Department",
  "MRAcquisitionType": "2D",
  "MagneticFieldStrength": 3,
  "Manufacturer": "Siemens",
  "ManufacturersModelName": "TrioTim",
  "Modality": "MR",
  "PartialFourier": 1,
  "PatientPosition": "HFS",
  "PercentPhaseFOV": 100,
  "PhaseEncodingDirection": "j-",
  "PhaseEncodingSteps": 68,
  "PhaseResolution": 1,
  "PixelBandwidth": 2451,
  "ProcedureStepDescription": "Krekelberg_David",
  "ProtocolName": "ep2d_bold_CardGameEPI_1",
  "PulseSequenceDetails": "%SiemensSeq%_ep2d_bold",
  "ReceiveCoilName": "HeadMatrix",
  "ReconMatrixPE": 68,
  "RepetitionTime": 2,
  "SAR": 0.250276,
  "ScanOptions": "FS",
  "ScanningSequence": "EP",
  "SequenceName": "_epfid2d1_68",
  "SequenceVariant": "SK",
  "SeriesDescription": "ep2d_bold_CardGameEPI_1",
  "SeriesNumber": 6,
  "ShimSetting": [1939, -610, -7577, 645, 94, -44, -174, 129],
  "SliceThickness": 2.5,
  "SliceTiming": [1.9525, 1.8975, 1.84, 1.785, 1.73, 1.675, 1.6175, 1.5625, 1.5075, 1.45, 1.395, 1.34, 1.2825, 1.2275, 1.1725, 1.1175, 1.06, 1.005, 0.95, 0.8925, 0.8375, 0.7825, 0.725, 0.67, 0.615, 0.5575, 0.5025, 0.4475, 0.3925, 0.335, 0.28, 0.225, 0.1675, 0.1125, 0.0575, 0],
  "SoftwareVersions": "syngo_MR_B19",
  "SpacingBetweenSlices": 3,
  "StationName": "MRC35450",
  "TaskName": "cardgame",
  "TotalReadoutTime": 0.0314901,
  "TxRefAmp": 493.626,
  "dcmmeta_affine": [
    [-2.9996299743652344, -2.65794088960547e-08, -0.047121934592723846, 98.74425506591797],
    [0.008020575158298016, 2.956223726272583, -0.5105655193328857, -63.120147705078125],
    [-0.04643433168530464, 0.5106285214424133, 2.9558589458465576, -48.693580627441406],
    [0.0, 0.0, 0.0, 1.0]
],
  "dcmmeta_reorient_transform": [
    [0.0, -1.0, 0.0, 67.0],
    [1.0, 0.0, 0.0, 0.0],
    [0.0, 0.0, 1.0, 0.0],
    [0.0, 0.0, 0.0, 1.0]
],
  "dcmmeta_shape": [68, 68, 36, 258],
  "dcmmeta_slice_dim": 2,
  "dcmmeta_version": 0.6,
  "global": {
    "const": {
      "AcquisitionMatrix": [68, 0, 0, 68],
      "AngioFlag": "N",
      "BitsAllocated": 16,
      "BitsStored": 12,
      "Columns": 408,
      "EchoNumbers": 1,
      "EchoTime": 23.0,
      "EchoTrainLength": 1,
      "FlipAngle": 76.0,
      "HighBit": 11,
      "ImageOrientationPatient": [0.99987663256732, -0.0026735249799, -0.0154781106732, -8.859803e-09, 0.98540789821261, -0.1702095007343],
      "ImagePositionPatient": [-608.68133107701, -636.14137175165, 80.219210210196],
      "ImageType": [
        "ORIGINAL",
        "PRIMARY",
        "M",
        "ND",
        "MOSAIC"
],
      "ImagedNucleus": "1H",
      "ImagingFrequency": 123.218421,
      "InPlanePhaseEncodingDirection": "COL",
      "MRAcquisitionType": "2D",
      "MagneticFieldStrength": 3.0,
      "Manufacturer": "SIEMENS",
      "ManufacturerModelName": "TrioTim",
      "Modality": "MR",
      "NumberOfAverages": 1.0,
      "NumberOfPhaseEncodingSteps": 68,
      "PercentPhaseFieldOfView": 100.0,
      "PercentSampling": 100.0,
      "PerformedProcedureStepStartTime": "113507.187000",
      "PhotometricInterpretation": "MONOCHROME2",
      "PixelBandwidth": 2451.0,
      "PixelRepresentation": 0,
      "PixelSpacing": [3.0, 3.0],
      "ProtocolName": "ep2d_bold_CardGameEPI_1",
      "RepetitionTime": 2000.0,
      "Rows": 408,
      "SAR": 0.25027577679266,
      "SamplesPerPixel": 1,
      "ScanOptions": "FS",
      "ScanningSequence": "EP",
      "SequenceName": "*epfid2d1_68",
      "SequenceVariant": "SK",
      "SeriesDescription": "ep2d_bold_CardGameEPI_1",
      "SeriesNumber": 6,
      "SeriesTime": "115814.125000",
      "SliceLocation": -38.785803666788,
      "SliceThickness": 2.5,
      "SmallestImagePixelValue": 0,
      "SoftwareVersions": "syngo MR B19",
      "SpacingBetweenSlices": 2.9999999479917,
      "SpecificCharacterSet": "ISO_IR 100",
      "StudyID": "1",
      "StudyTime": "113507.109000",
      "TransmitCoilName": "Body",
      "VariableFlipAngleFlag": "N",
      "WindowCenterWidthExplanation": "Algo1",
      "dBdt": 0.0},
