{
  "AcquisitionMatrixPE": 262,
  "AcquisitionNumber": 1,
  "AcquisitionTime": "11:45:11.797500",
  "BaseResolution": 256,
  "CoilString": "T:HEA;HEP",
  "ConversionSoftware": "dcm2niix",
  "ConversionSoftwareVersion": "v1.0.20190902",
  "DeviceSerialNumber": "35450",
  "DwellTime": 2.6e-06,
  "EchoTime": 0.494,
  "EchoTrainLength": 147,
  "FlipAngle": 120,
  "ImageOrientationPatientDICOM": [0.0401318, 0.999194, 8.36018e-09, -0.0313855, 0.00126058, -0.999507],
  "ImageType": [
    "ORIGINAL",
    "PRIMARY",
    "M",
    "ND"
],
  "ImagingFrequency": 123.218,
  "InPlanePhaseEncodingDirectionDICOM": "ROW",
  "InstitutionAddress": "Univeristy_Ave._197_Newark_North_East_US_07102-1814",
  "InstitutionName": "RUBIC",
  "InstitutionalDepartmentName": "Department",
  "MRAcquisitionType": "3D",
  "MagneticFieldStrength": 3,
  "Manufacturer": "Siemens",
  "ManufacturersModelName": "TrioTim",
  "Modality": "MR",
  "ParallelReductionFactorInPlane": 2,
  "PartialFourier": 1,
  "PatientPosition": "HFS",
  "PercentPhaseFOV": 100,
  "PhaseEncodingSteps": 258,
  "PhaseResolution": 1.02344,
  "PixelBandwidth": 751,
  "ProcedureStepDescription": "Krekelberg_David",
  "ProtocolName": "t2_spc_sag_p2_iso",
  "PulseSequenceDetails": "%SiemensSeq%_tse_vfl",
  "ReceiveCoilName": "HeadMatrix",
  "ReconMatrixPE": 256,
  "RefLinesPE": 32,
  "RepetitionTime": 3.2,
  "SAR": 0.419341,
  "ScanOptions": "PFP",
  "ScanningSequence": "SE",
  "SequenceName": "_spc3d1_294ns",
  "SequenceVariant": "SK_SP",
  "SeriesDescription": "t2_spc_sag_p2_iso",
  "SeriesNumber": 4,
  "ShimSetting": [1962, -560, -7993, 406, 72, 417, -339, -235],
  "SliceThickness": 1,
  "SoftwareVersions": "syngo_MR_B19",
  "StationName": "MRC35450",
  "TxRefAmp": 354.428,
  "dcmmeta_affine": [
    [0.9987013339996338, 0.04013177379965782, -0.03138545900583267, -88.49778747558594],
    [-0.0401119701564312, 0.9991943836212158, 0.0012605780502781272, -100.52877044677734],
    [0.031410761177539825, -8.36018188010712e-09, 0.9995065331459045, -154.77052307128906],
    [0.0, 0.0, 0.0, 1.0]
],
  "dcmmeta_reorient_transform": [
    [0.0, 0.0, -1.0, 255.0],
    [0.0, -1.0, 0.0, 255.0],
    [-1.0, 0.0, 0.0, 175.0],
    [0.0, 0.0, 0.0, 1.0]
],
  "dcmmeta_shape": [176, 256, 256],
  "dcmmeta_slice_dim": 0,
  "dcmmeta_version": 0.6,
  "global": {
    "const": {
      "AcquisitionMatrix": [0, 256, 262, 0],
      "AcquisitionNumber": 1,
      "AcquisitionTime": "114511.797500",
      "AngioFlag": "N",
      "BitsAllocated": 16,
      "BitsStored": 12,
      "Columns": 256,
      "EchoNumbers": 1,
      "EchoTime": 494.0,
      "EchoTrainLength": 147,
      "FlipAngle": 120.0,
      "HighBit": 11,
      "ImageOrientationPatient": [0.04013177470289, 0.99919439583056, 8.360182e-09, -0.03138545784, 0.00126057800594, -0.9995065602482],
      "ImageType": [
        "ORIGINAL",
        "PRIMARY",
        "M",
        "ND"
],
      "ImagedNucleus": "1H",
      "ImagingFrequency": 123.218497,
      "InPlanePhaseEncodingDirection": "ROW",
      "MRAcquisitionType": "3D",
      "MagneticFieldStrength": 3.0,
      "Manufacturer": "SIEMENS",
      "ManufacturerModelName": "TrioTim",
      "Modality": "MR",
      "NumberOfAverages": 1.0,
      "NumberOfPhaseEncodingSteps": 258,
      "PercentPhaseFieldOfView": 100.0,
      "PercentSampling": 102.3438,
      "PerformedProcedureStepStartTime": "112717.109000",
      "PhotometricInterpretation": "MONOCHROME2",
      "PixelBandwidth": 751.0,
      "PixelRepresentation": 0,
      "PixelSpacing": [1.0, 1.0],
      "ProtocolName": "t2_spc_sag_p2_iso",
      "RepetitionTime": 3200.0,
      "Rows": 256,
      "SAR": 0.41934061682377,
      "SamplesPerPixel": 1,
      "ScanOptions": "PFP",
      "ScanningSequence": "SE",
      "SequenceName": "*spc3d1_294ns",
      "SequenceVariant": [
        "SK",
        "SP"
],
      "SeriesDescription": "t2_spc_sag_p2_iso",
      "SeriesNumber": 4,
      "SeriesTime": "115001.484000",
      "SliceThickness": 1.0,
      "SmallestImagePixelValue": 0,
      "SoftwareVersions": "syngo MR B19",
      "SpecificCharacterSet": "ISO_IR 100",
      "StudyID": "1",
      "StudyTime": "112717.000000",
      "TransmitCoilName": "Body",
      "VariableFlipAngleFlag": "Y",
      "WindowCenterWidthExplanation": "Algo1",
      "dBdt": 0.0},
