{
  "aor": 0.001778171206225681,
  "aqi": 0.007535718715953307,
  "bids_meta": {
    "AcquisitionMatrixPE": 68,
    "AcquisitionNumber": 1,
    "AcquisitionTime": "12:35:20.880000",
    "BandwidthPerPixelPhaseEncode": 31.289,
    "BaseResolution": 68,
    "CogAtlasID": "TODO",
    "CoilString": "C:HEA;HEP",
    "ConversionSoftware": "dcm2niix",
    "ConversionSoftwareVersion": "v1.0.20190902",
    "DerivedVendorReportedEchoSpacing": 0.000470002,
    "DeviceSerialNumber": "35450",
    "DwellTime": 3e-06,
    "EchoTime": 0.023,
    "EffectiveEchoSpacing": 0.000470002,
    "FlipAngle": 76,
    "ImageOrientationPatientDICOM": [
      1,
      0,
      0,
      0,
      0.985703,
      -0.168489
    ],
    "ImageType": [
      "ORIGINAL",
      "PRIMARY",
      "M",
      "ND",
      "MOSAIC"
    ],
    "ImagingFrequency": 123.219,
    "InPlanePhaseEncodingDirectionDICOM": "COL",
    "InstitutionAddress": "Univeristy_Ave._197_Newark_North_East_US_07102-1814",
    "InstitutionName": "RUBIC",
    "InstitutionalDepartmentName": "Department",
    "MRAcquisitionType": "2D",
    "MagneticFieldStrength": 3,
    "Manufacturer": "Siemens",
    "ManufacturersModelName": "TrioTim",
    "Modality": "MR",
    "PartialFourier": 1,
    "PatientPosition": "HFS",
    "PercentPhaseFOV": 100,
    "PhaseEncodingDirection": "j-",
    "PhaseEncodingSteps": 68,
    "PhaseResolution": 1,
    "PixelBandwidth": 2451,
    "ProcedureStepDescription": "Krekelberg_David",
    "ProtocolName": "ep2d_bold_CardGameEPI_3",
    "PulseSequenceDetails": "%SiemensSeq%_ep2d_bold",
    "ReceiveCoilName": "HeadMatrix",
    "ReconMatrixPE": 68,
    "RepetitionTime": 2,
    "SAR": 0.14387,
    "ScanOptions": "FS",
    "ScanningSequence": "EP",
    "SequenceName": "_epfid2d1_68",
    "SequenceVariant": "SK",
    "SeriesDescription": "ep2d_bold_CardGameEPI_3",
    "SeriesNumber": 11,
    "ShimSetting": [
      1937,
      -529,
      -7626,
      969,
      130,
      36,
      -699,
      -34
    ],
    "SliceThickness": 2.5,
    "SliceTiming": [
      1.9525,
      1.8975,
      1.84,
      1.785,
      1.73,
      1.675,
      1.6175,
      1.5625,
      1.5075,
      1.45,
      1.395,
      1.34,
      1.2825,
      1.2275,
      1.1725,
      1.115,
      1.06,
      1.005,
      0.95,
      0.8925,
      0.8375,
      0.7825,
      0.725,
      0.67,
      0.615,
      0.5575,
      0.5025,
      0.4475,
      0.3925,
      0.335,
      0.28,
      0.225,
      0.1675,
      0.1125,
      0.0575,
      0
    ],
    "SoftwareVersions": "syngo_MR_B19",
    "SpacingBetweenSlices": 3,
    "StationName": "MRC35450",
    "TaskName": "cardgame",
    "TotalReadoutTime": 0.0314901,
    "TxRefAmp": 336.035,
    "dataset": "<unset>",
    "dcmmeta_affine": [
      [
        -3.0,
        0.0,
        0.0,
        101.32203674316406
      ],
      [
        0.0,
        2.9571104049682617,
        -0.5054681301116943,
        -72.46776580810547
      ],
      [
        0.0,
        0.5054681301116943,
        2.9571104049682617,
        -51.48072814941406
      ],
      [
        0.0,
        0.0,
        0.0,
        1.0
      ]
    ],
    "dcmmeta_reorient_transform": [
      [
        0.0,
        -1.0,
        0.0,
        67.0
      ],
      [
        1.0,
        0.0,
        0.0,
        0.0
      ],
      [
        0.0,
        0.0,
        1.0,
        0.0
      ],
      [
        0.0,
        0.0,
        0.0,
        1.0
      ]
    ],
    "dcmmeta_shape": [
      68,
      68,
      36,
      258
    ],
    "dcmmeta_slice_dim": 2,
    "dcmmeta_version": 0.6,
    "global": {
      "const": {
        "AcquisitionMatrix": [
          68,
          0,
          0,
          68
        ],
        "AngioFlag": "N",
        "BitsAllocated": 16,
        "BitsStored": 12,
        "Columns": 408,
        "EchoNumbers": 1,
        "EchoTime": 23.0,
        "EchoTrainLength": 1,
        "FlipAngle": 76.0,
        "HighBit": 11,
        "ImageOrientationPatient": [
          1.0,
          0.0,
          0.0,
          0.0,
          0.98570346846845,
          -0.1684893831945
        ],
        "ImagePositionPatient": [
          -611.32203388214,
          -628.36740121221,
          68.315224805085
        ],
        "ImageType": [
          "ORIGINAL",
          "PRIMARY",
          "M",
          "ND",
          "MOSAIC"
        ],
        "ImagedNucleus": "1H",
        "ImagingFrequency": 123.218587,
        "InPlanePhaseEncodingDirection": "COL",
        "MRAcquisitionType": "2D",
        "MagneticFieldStrength": 3.0,
        "Manufacturer": "SIEMENS",
        "ManufacturerModelName": "TrioTim",
        "Modality": "MR",
        "NumberOfAverages": 1.0,
        "NumberOfPhaseEncodingSteps": 68,
        "PercentPhaseFieldOfView": 100.0,
        "PercentSampling": 100.0,
        "PerformedProcedureStepStartTime": "111733.328000",
        "PhotometricInterpretation": "MONOCHROME2",
        "PixelBandwidth": 2451.0,
        "PixelRepresentation": 0,
        "PixelSpacing": [
          3.0,
          3.0
        ],
        "ProtocolName": "ep2d_bold_CardGameEPI_3",
        "RepetitionTime": 2000.0,
        "Rows": 408,
        "SAR": 0.14387008872632,
        "SamplesPerPixel": 1,
        "ScanOptions": "FS",
        "ScanningSequence": "EP",
        "SequenceName": "*epfid2d1_68",
        "SequenceVariant": "SK",
        "SeriesDescription": "ep2d_bold_CardGameEPI_3",
        "SeriesNumber": 11,
        "SeriesTime": "123615.281000",
        "SliceLocation": -38.534681810215,
        "SliceThickness": 2.5,
        "SmallestImagePixelValue": 0,
        "SoftwareVersions": "syngo MR B19",
        "SpacingBetweenSlices": 2.9999999659868,
        "SpecificCharacterSet": "ISO_IR 100",
        "StudyID": "1",
        "StudyTime": "111733.296000",
        "TransmitCoilName": "Body",
        "VariableFlipAngleFlag": "N",
        "WindowCenterWidthExplanation": "Algo1",
        "dBdt": 0.0
      },
