{
  "AcquisitionMatrixPE": 68,
  "AcquisitionNumber": 1,
  "AcquisitionTime": "11:41:7.952500",
  "BandwidthPerPixelPhaseEncode": 31.289,
  "BaseResolution": 68,
  "CoilString": "C:HEA;HEP",
  "ConversionSoftware": "dcm2niix",
  "ConversionSoftwareVersion": "v1.0.20190902",
  "DerivedVendorReportedEchoSpacing": 0.000470002,
  "DeviceSerialNumber": "35450",
  "DwellTime": 3e-06,
  "EchoTime": 0.023,
  "EffectiveEchoSpacing": 0.000470002,
  "FlipAngle": 76,
  "ImageOrientationPatientDICOM": [0.99961, 0.00717954, 0.0269828, 3.16756e-08, 0.966376, -0.257133],
  "ImageType": [
    "ORIGINAL",
    "PRIMARY",
    "M",
    "ND",
    "MOSAIC"
],
  "ImagingFrequency": 123.219,
  "InPlanePhaseEncodingDirectionDICOM": "COL",
  "InstitutionAddress": "Univeristy_Ave._197_Newark_North_East_US_07102-1814",
  "InstitutionName": "RUBIC",
  "InstitutionalDepartmentName": "Department",
  "MRAcquisitionType": "2D",
  "MagneticFieldStrength": 3,
  "Manufacturer": "Siemens",
  "ManufacturersModelName": "TrioTim",
  "Modality": "MR",
  "PartialFourier": 1,
  "PatientPosition": "HFS",
  "PercentPhaseFOV": 100,
  "PhaseEncodingDirection": "j-",
  "PhaseEncodingSteps": 68,
  "PhaseResolution": 1,
  "PixelBandwidth": 2451,
  "ProcedureStepDescription": "Krekelberg_David",
  "ProtocolName": "ep2d_bold_CardGameEPI_3",
  "PulseSequenceDetails": "%SiemensSeq%_ep2d_bold",
  "ReceiveCoilName": "HeadMatrix",
  "ReconMatrixPE": 68,
  "RepetitionTime": 2,
  "SAR": 0.162984,
  "ScanOptions": "FS",
  "ScanningSequence": "EP",
  "SequenceName": "_epfid2d1_68",
  "SequenceVariant": "SK",
  "SeriesDescription": "ep2d_bold_CardGameEPI_3",
  "SeriesNumber": 11,
  "ShimSetting": [1964, -608, -7552, 1098, 134, -16, -197, -115],
  "SliceThickness": 2.5,
  "SliceTiming": [1.9525, 1.895, 1.84, 1.785, 1.7275, 1.6725, 1.6175, 1.5625, 1.505, 1.45, 1.395, 1.3375, 1.2825, 1.2275, 1.17, 1.115, 1.06, 1.0025, 0.9475, 0.8925, 0.8375, 0.78, 0.725, 0.67, 0.6125, 0.5575, 0.5025, 0.445, 0.39, 0.335, 0.28, 0.2225, 0.1675, 0.1125, 0.055, 0],
  "SoftwareVersions": "syngo_MR_B19",
  "SpacingBetweenSlices": 3,
  "StationName": "MRC35450",
  "TaskName": "cardgame",
  "TotalReadoutTime": 0.0314901,
  "TxRefAmp": 315.632,
  "dcmmeta_affine": [
    [-2.9988303184509277, 9.502666387106729e-08, 0.08376491069793701, 102.52824401855469],
    [-0.021538613364100456, 2.8991281986236572, -0.7710976004600525, -63.80298614501953],
    [0.08094842731952667, 0.7713983654975891, 2.8979978561401367, -70.1078872680664],
    [0.0, 0.0, 0.0, 1.0]
],
  "dcmmeta_reorient_transform": [
    [0.0, -1.0, 0.0, 67.0],
    [1.0, 0.0, 0.0, 0.0],
    [0.0, 0.0, 1.0, 0.0],
    [0.0, 0.0, 0.0, 1.0]
],
  "dcmmeta_shape": [68, 68, 36, 258],
  "dcmmeta_slice_dim": 2,
  "dcmmeta_version": 0.6,
  "global": {
    "const": {
      "AcquisitionMatrix": [68, 0, 0, 68],
      "AngioFlag": "N",
      "BitsAllocated": 16,
      "BitsStored": 12,
      "Columns": 408,
      "EchoNumbers": 1,
      "EchoTime": 23.0,
      "EchoTrainLength": 1,
      "FlipAngle": 76.0,
      "HighBit": 11,
      "ImageOrientationPatient": [0.99961011512437, 0.00717953750845, 0.02698280901258, 3.1675555e-08, 0.96637608002675, -0.2571327905035],
      "ImagePositionPatient": [-612.32942219831, -626.95197276125, 98.952294501316],
      "ImageType": [
        "ORIGINAL",
        "PRIMARY",
        "M",
        "ND",
        "MOSAIC"
],
      "ImagedNucleus": "1H",
      "ImagingFrequency": 123.218565,
      "InPlanePhaseEncodingDirection": "COL",
      "MRAcquisitionType": "2D",
      "MagneticFieldStrength": 3.0,
      "Manufacturer": "SIEMENS",
      "ManufacturerModelName": "TrioTim",
      "Modality": "MR",
      "NumberOfAverages": 1.0,
      "NumberOfPhaseEncodingSteps": 68,
      "PercentPhaseFieldOfView": 100.0,
      "PercentSampling": 100.0,
      "PerformedProcedureStepStartTime": "102339.875000",
      "PhotometricInterpretation": "MONOCHROME2",
      "PixelBandwidth": 2451.0,
      "PixelRepresentation": 0,
      "PixelSpacing": [3.0, 3.0],
      "ProtocolName": "ep2d_bold_CardGameEPI_3",
      "RepetitionTime": 2000.0,
      "Rows": 408,
      "SAR": 0.16298443381878,
      "SamplesPerPixel": 1,
      "ScanOptions": "FS",
      "ScanningSequence": "EP",
      "SequenceName": "*epfid2d1_68",
      "SequenceVariant": "SK",
      "SeriesDescription": "ep2d_bold_CardGameEPI_3",
      "SeriesNumber": 11,
      "SeriesTime": "114205.046000",
      "SliceLocation": -48.461970777936,
      "SliceThickness": 2.5,
      "SmallestImagePixelValue": 0,
      "SoftwareVersions": "syngo MR B19",
      "SpacingBetweenSlices": 3.0000000176145,
      "SpecificCharacterSet": "ISO_IR 100",
      "StudyID": "1",
      "StudyTime": "102339.765000",
      "TransmitCoilName": "Body",
      "VariableFlipAngleFlag": "N",
      "WindowCenterWidthExplanation": "Algo1",
      "dBdt": 0.0},
