{
  "AcquisitionMatrixPE": 68,
  "AcquisitionNumber": 1,
  "AcquisitionTime": "09:42:1.425000",
  "BandwidthPerPixelPhaseEncode": 31.289,
  "BaseResolution": 68,
  "CoilString": "C:HEA;HEP",
  "ConversionSoftware": "dcm2niix",
  "ConversionSoftwareVersion": "v1.0.20190902",
  "DerivedVendorReportedEchoSpacing": 0.000470002,
  "DeviceSerialNumber": "35450",
  "DwellTime": 3e-06,
  "EchoTime": 0.023,
  "EffectiveEchoSpacing": 0.000470002,
  "FlipAngle": 76,
  "ImageOrientationPatientDICOM": [0.999818, 0.00206157, 0.0189735, -6.85458e-09, 0.994149, -0.108019],
  "ImageType": [
    "ORIGINAL",
    "PRIMARY",
    "M",
    "ND",
    "MOSAIC"
],
  "ImagingFrequency": 123.219,
  "InPlanePhaseEncodingDirectionDICOM": "COL",
  "InstitutionAddress": "Univeristy_Ave._197_Newark_North_East_US_07102-1814",
  "InstitutionName": "RUBIC",
  "InstitutionalDepartmentName": "Department",
  "MRAcquisitionType": "2D",
  "MagneticFieldStrength": 3,
  "Manufacturer": "Siemens",
  "ManufacturersModelName": "TrioTim",
  "Modality": "MR",
  "PartialFourier": 1,
  "PatientPosition": "HFS",
  "PercentPhaseFOV": 100,
  "PhaseEncodingDirection": "j-",
  "PhaseEncodingSteps": 68,
  "PhaseResolution": 1,
  "PixelBandwidth": 2451,
  "ProcedureStepDescription": "Krekelberg_David",
  "ProtocolName": "ep2d_bold_CardGameEPI_2",
  "PulseSequenceDetails": "%SiemensSeq%_ep2d_bold",
  "ReceiveCoilName": "HeadMatrix",
  "ReconMatrixPE": 68,
  "RepetitionTime": 2,
  "SAR": 0.166056,
  "ScanOptions": "FS",
  "ScanningSequence": "EP",
  "SequenceName": "_epfid2d1_68",
  "SequenceVariant": "SK",
  "SeriesDescription": "ep2d_bold_CardGameEPI_2",
  "SeriesNumber": 7,
  "ShimSetting": [2059, -624, -8028, 906, 372, 170, -1519, -340],
  "SliceThickness": 2.5,
  "SliceTiming": [1.9525, 1.8975, 1.84, 1.785, 1.73, 1.6725, 1.6175, 1.5625, 1.5075, 1.45, 1.395, 1.34, 1.2825, 1.2275, 1.1725, 1.115, 1.06, 1.005, 0.95, 0.8925, 0.8375, 0.7825, 0.725, 0.67, 0.615, 0.5575, 0.5025, 0.4475, 0.39, 0.335, 0.28, 0.225, 0.1675, 0.1125, 0.0575, 0],
  "SoftwareVersions": "syngo_MR_B19",
  "SpacingBetweenSlices": 3,
  "StationName": "MRC35450",
  "TaskName": "cardgame",
  "TotalReadoutTime": 0.0314901,
  "TxRefAmp": 325.464,
  "dcmmeta_affine": [
    [-2.999453544616699, -2.0563749814073162e-08, 0.05725546181201935, 96.95831298828125],
    [-0.006184699945151806, 2.9824464321136475, -0.3239980638027191, -70.84557342529297],
    [0.05692044645547867, 0.32405710220336914, 2.981903314590454, -65.49089813232422],
    [0.0, 0.0, 0.0, 1.0]
],
  "dcmmeta_reorient_transform": [
    [0.0, -1.0, 0.0, 67.0],
    [1.0, 0.0, 0.0, 0.0],
    [0.0, 0.0, 1.0, 0.0],
    [0.0, 0.0, 0.0, 1.0]
],
  "dcmmeta_shape": [68, 68, 36, 258],
  "dcmmeta_slice_dim": 2,
  "dcmmeta_version": 0.6,
  "global": {
    "const": {
      "AcquisitionMatrix": [68, 0, 0, 68],
      "AngioFlag": "N",
      "BitsAllocated": 16,
      "BitsStored": 12,
      "Columns": 408,
      "EchoNumbers": 1,
      "EchoTime": 23.0,
      "EchoTrainLength": 1,
      "FlipAngle": 76.0,
      "HighBit": 11,
      "ImageOrientationPatient": [0.99981786186417, 0.00206156666259, 0.01897348255472, -6.854583e-09, 0.99414882621586, -0.108019032275],
      "ImagePositionPatient": [-606.86541878351, -637.04564195712, 1.6341553900114],
      "ImageType": [
        "ORIGINAL",
        "PRIMARY",
        "M",
        "ND",
        "MOSAIC"
],
      "ImagedNucleus": "1H",
      "ImagingFrequency": 123.218704,
      "InPlanePhaseEncodingDirection": "COL",
      "MRAcquisitionType": "2D",
      "MagneticFieldStrength": 3.0,
      "Manufacturer": "SIEMENS",
      "ManufacturerModelName": "TrioTim",
      "Modality": "MR",
      "NumberOfAverages": 1.0,
      "NumberOfPhaseEncodingSteps": 68,
      "PercentPhaseFieldOfView": 100.0,
      "PercentSampling": 100.0,
      "PerformedProcedureStepStartTime": "090350.328000",
      "PhotometricInterpretation": "MONOCHROME2",
      "PixelBandwidth": 2451.0,
      "PixelRepresentation": 0,
      "PixelSpacing": [3.0, 3.0],
      "ProtocolName": "ep2d_bold_CardGameEPI_2",
      "RepetitionTime": 2000.0,
      "Rows": 408,
      "SAR": 0.16605556320192,
      "SamplesPerPixel": 1,
      "ScanOptions": "FS",
      "ScanningSequence": "EP",
      "SequenceName": "*epfid2d1_68",
      "SequenceVariant": "SK",
      "SeriesDescription": "ep2d_bold_CardGameEPI_2",
      "SeriesNumber": 7,
      "SeriesTime": "094256.015000",
      "SliceLocation": -55.594102550827,
      "SliceThickness": 2.5,
      "SmallestImagePixelValue": 0,
      "SoftwareVersions": "syngo MR B19",
      "SpacingBetweenSlices": 3.000000029265,
      "SpecificCharacterSet": "ISO_IR 100",
      "StudyID": "1",
      "StudyTime": "090350.218000",
      "TransmitCoilName": "Body",
      "VariableFlipAngleFlag": "N",
      "WindowCenterWidthExplanation": "Algo1",
      "dBdt": 0.0},
