{
  "aor": 0.0012922594142259416,
  "aqi": 0.008384402677824268,
  "bids_meta": {
    "AcquisitionMatrixPE": 68,
    "AcquisitionNumber": 1,
    "AcquisitionTime": "16:33:33.172500",
    "BandwidthPerPixelPhaseEncode": 31.289,
    "BaseResolution": 68,
    "CogAtlasID": "TODO",
    "CoilString": "C:HEA;HEP",
    "ConversionSoftware": "dcm2niix",
    "ConversionSoftwareVersion": "v1.0.20190902",
    "DerivedVendorReportedEchoSpacing": 0.000470002,
    "DeviceSerialNumber": "35450",
    "DwellTime": 3e-06,
    "EchoTime": 0.023,
    "EffectiveEchoSpacing": 0.000470002,
    "FlipAngle": 76,
    "ImageOrientationPatientDICOM": [
      0.999816,
      0.00237287,
      0.0190502,
      -4.19453e-08,
      0.992332,
      -0.123601
    ],
    "ImageType": [
      "ORIGINAL",
      "PRIMARY",
      "M",
      "ND",
      "MOSAIC"
    ],
    "ImagingFrequency": 123.219,
    "InPlanePhaseEncodingDirectionDICOM": "COL",
    "InstitutionAddress": "Univeristy_Ave._197_Newark_North_East_US_07102-1814",
    "InstitutionName": "RUBIC",
    "InstitutionalDepartmentName": "Department",
    "MRAcquisitionType": "2D",
    "MagneticFieldStrength": 3,
    "Manufacturer": "Siemens",
    "ManufacturersModelName": "TrioTim",
    "Modality": "MR",
    "PartialFourier": 1,
    "PatientPosition": "HFS",
    "PercentPhaseFOV": 100,
    "PhaseEncodingDirection": "j-",
    "PhaseEncodingSteps": 68,
    "PhaseResolution": 1,
    "PixelBandwidth": 2451,
    "ProcedureStepDescription": "Krekelberg_David",
    "ProtocolName": "ep2d_bold_RestEPI_3",
    "PulseSequenceDetails": "%SiemensSeq%_ep2d_bold",
    "ReceiveCoilName": "HeadMatrix",
    "ReconMatrixPE": 68,
    "RepetitionTime": 2,
    "SAR": 0.166127,
    "ScanOptions": "FS",
    "ScanningSequence": "EP",
    "SequenceName": "_epfid2d1_68",
    "SequenceVariant": "SK",
    "SeriesDescription": "ep2d_bold_RestEPI_3",
    "SeriesNumber": 10,
    "ShimSetting": [
      1977,
      -686,
      -7539,
      795,
      203,
      -32,
      -80,
      -88
    ],
    "SliceThickness": 2.5,
    "SliceTiming": [
      1.95,
      1.895,
      1.84,
      1.7825,
      1.7275,
      1.6725,
      1.6175,
      1.56,
      1.505,
      1.45,
      1.3925,
      1.3375,
      1.2825,
      1.225,
      1.17,
      1.115,
      1.06,
      1.0025,
      0.9475,
      0.8925,
      0.835,
      0.78,
      0.725,
      0.6675,
      0.6125,
      0.5575,
      0.5,
      0.445,
      0.39,
      0.335,
      0.2775,
      0.2225,
      0.1675,
      0.11,
      0.055,
      0
    ],
    "SoftwareVersions": "syngo_MR_B19",
    "SpacingBetweenSlices": 3,
    "StationName": "MRC35450",
    "TaskName": "rest",
    "TotalReadoutTime": 0.0314901,
    "TxRefAmp": 342.309,
    "dataset": "<unset>",
    "dcmmeta_affine": [
      [
        -2.9994471073150635,
        -1.258358679478988e-07,
        0.05759233981370926,
        98.261474609375
      ],
      [
        -0.007118623703718185,
        2.9769957065582275,
        -0.37073609232902527,
        -73.89026641845703
      ],
      [
        0.0571507066488266,
        0.37080442905426025,
        2.976447105407715,
        -40.505184173583984
      ],
      [
        0.0,
        0.0,
        0.0,
        1.0
      ]
    ],
    "dcmmeta_reorient_transform": [
      [
        0.0,
        -1.0,
        0.0,
        67.0
      ],
      [
        1.0,
        0.0,
        0.0,
        0.0
      ],
      [
        0.0,
        0.0,
        1.0,
        0.0
      ],
      [
        0.0,
        0.0,
        0.0,
        1.0
      ]
    ],
    "dcmmeta_shape": [
      68,
      68,
      36,
      240
    ],
    "dcmmeta_slice_dim": 2,
    "dcmmeta_version": 0.6,
    "global": {
      "const": {
        "AcquisitionMatrix": [
          68,
          0,
          0,
          68
        ],
        "AngioFlag": "N",
        "BitsAllocated": 16,
        "BitsStored": 12,
        "Columns": 408,
        "EchoNumbers": 1,
        "EchoTime": 23.0,
        "EchoTrainLength": 1,
        "FlipAngle": 76.0,
        "HighBit": 11,
        "ImageOrientationPatient": [
          0.99981571201944,
          0.00237287453708,
          0.01905023531357,
          -4.194529e-08,
          0.99233193767192,
          -0.1236014784551
        ],
        "ImagePositionPatient": [
          -608.1674599466,
          -632.86790944874,
          37.659848870259
        ],
        "ImageType": [
          "ORIGINAL",
          "PRIMARY",
          "M",
          "ND",
          "MOSAIC"
        ],
        "ImagedNucleus": "1H",
        "ImagingFrequency": 123.21854,
        "InPlanePhaseEncodingDirection": "COL",
        "MRAcquisitionType": "2D",
        "MagneticFieldStrength": 3.0,
        "Manufacturer": "SIEMENS",
        "ManufacturerModelName": "TrioTim",
        "Modality": "MR",
        "NumberOfAverages": 1.0,
        "NumberOfPhaseEncodingSteps": 68,
        "PercentPhaseFieldOfView": 100.0,
        "PercentSampling": 100.0,
        "PerformedProcedureStepStartTime": "153524.312000",
        "PhotometricInterpretation": "MONOCHROME2",
        "PixelBandwidth": 2451.0,
        "PixelRepresentation": 0,
        "PixelSpacing": [
          3.0,
          3.0
        ],
        "ProtocolName": "ep2d_bold_RestEPI_3",
        "RepetitionTime": 2000.0,
        "Rows": 408,
        "SAR": 0.16612679496426,
        "SamplesPerPixel": 1,
        "ScanOptions": "FS",
        "ScanningSequence": "EP",
        "SequenceName": "*epfid2d1_68",
        "SequenceVariant": "SK",
        "SeriesDescription": "ep2d_bold_RestEPI_3",
        "SeriesNumber": 10,
        "SeriesTime": "163427.093000",
        "SliceLocation": -29.169546349373,
        "SliceThickness": 2.5,
        "SmallestImagePixelValue": 0,
        "SoftwareVersions": "syngo MR B19",
        "SpacingBetweenSlices": 2.9999998894837,
        "SpecificCharacterSet": "ISO_IR 100",
        "StudyID": "1",
        "StudyTime": "153524.250000",
        "TransmitCoilName": "Body",
        "VariableFlipAngleFlag": "N",
        "WindowCenterWidthExplanation": "Algo1",
        "dBdt": 0.0
      },
