{
    "AcquisitionMatrixPE": 68, 
    "AcquisitionNumber": 1, 
    "AcquisitionTime": "10:53:1.105000", 
    "BaseResolution": 68, 
    "CoilString": "C:HEA;HEP", 
    "ConversionSoftware": "dcm2niix", 
    "ConversionSoftwareVersion": "v1.0.20190902", 
    "DeviceSerialNumber": "35450", 
    "DwellTime": 2.82e-05, 
    "EchoNumber": 2, 
    "EchoTime": 0.00765, 
    "FlipAngle": 60, 
    "ImageOrientationPatientDICOM": [
        0.999781, 
        0.00237076, 
        0.0208078, 
        -1.18211e-08, 
        0.993572, 
        -0.113203
    ], 
    "ImageType": [
        "ORIGINAL", 
        "PRIMARY", 
        "M", 
        "ND"
    ], 
    "ImagingFrequency": 123.218, 
    "InPlanePhaseEncodingDirectionDICOM": "COL", 
    "InstitutionAddress": "Univeristy_Ave._197_Newark_North_East_US_07102-1814", 
    "InstitutionName": "RUBIC", 
    "InstitutionalDepartmentName": "Department", 
    "IntendedFor": [
        "func/sub-213_task-cardgame_run-01_bold.nii.gz", 
        "func/sub-213_task-cardgame_run-02_bold.nii.gz", 
        "func/sub-213_task-rest_run-03_bold.nii.gz", 
        "func/sub-213_task-rest_run-02_bold.nii.gz", 
        "func/sub-213_task-rest_run-01_bold.nii.gz", 
        "func/sub-213_task-rest_run-04_bold.nii.gz"
    ], 
    "MRAcquisitionType": "2D", 
    "MagneticFieldStrength": 3, 
    "Manufacturer": "Siemens", 
    "ManufacturersModelName": "TrioTim", 
    "Modality": "MR", 
    "PartialFourier": 1, 
    "PatientPosition": "HFS", 
    "PercentPhaseFOV": 100, 
    "PhaseEncodingDirection": "j-", 
    "PhaseEncodingSteps": 68, 
    "PhaseResolution": 1, 
    "PixelBandwidth": 261, 
    "ProcedureStepDescription": "Krekelberg_David", 
    "ProtocolName": "gre_field_mapping", 
    "PulseSequenceDetails": "%SiemensSeq%_gre_field_mapping", 
    "ReceiveCoilName": "HeadMatrix", 
    "ReconMatrixPE": 68, 
    "RepetitionTime": 0.402, 
    "SAR": 0.276296, 
    "ScanningSequence": "GR", 
    "SequenceName": "_fm2d2r", 
    "SequenceVariant": "SP", 
    "SeriesDescription": "gre_field_mapping", 
    "SeriesNumber": 4, 
    "ShimSetting": [
        1950, 
        -618, 
        -7561, 
        948, 
        -26, 
        -118, 
        -633, 
        -176
    ], 
    "SliceThickness": 2.5, 
    "SliceTiming": [
        0.19531, 
        0, 
        0.21094, 
        0.00781, 
        0.21875, 
        0.02344, 
        0.23438, 
        0.03125, 
        0.24219, 
        0.04688, 
        0.25781, 
        0.05469, 
        0.26562, 
        0.0625, 
        0.28125, 
        0.07812, 
        0.28906, 
        0.08594, 
        0.30469, 
        0.10156, 
        0.3125, 
        0.10938, 
        0.32031, 
        0.125, 
        0.33594, 
        0.13281, 
        0.34375, 
        0.14062, 
        0.35938, 
        0.15625, 
        0.36719, 
        0.16406, 
        0.375, 
        0.17969, 
        0.39062, 
        0.1875
    ], 
    "SoftwareVersions": "syngo_MR_B19", 
    "SpacingBetweenSlices": 3, 
    "StationName": "MRC35450", 
    "TxRefAmp": 332.161
}