{
    "AcquisitionMatrixPE": 68, 
    "AcquisitionNumber": 1, 
    "AcquisitionTime": "10:53:1.105000", 
    "BaseResolution": 68, 
    "CoilString": "C:HEA;HEP", 
    "ConversionSoftware": "dcm2niix", 
    "ConversionSoftwareVersion": "v1.0.20190902", 
    "DeviceSerialNumber": "35450", 
    "DwellTime": 2.82e-05, 
    "EchoNumber": 2, 
    "EchoTime": 0.00765, 
    "EchoTime1": 0.00519, 
    "EchoTime2": 0.00765, 
    "FlipAngle": 60, 
    "ImageOrientationPatientDICOM": [
        0.999781, 
        0.00237076, 
        0.0208078, 
        -1.18211e-08, 
        0.993572, 
        -0.113203
    ], 
    "ImageType": [
        "ORIGINAL", 
        "PRIMARY", 
        "P", 
        "ND"
    ], 
    "ImagingFrequency": 123.218, 
    "InPlanePhaseEncodingDirectionDICOM": "COL", 
    "InstitutionAddress": "Univeristy_Ave._197_Newark_North_East_US_07102-1814", 
    "InstitutionName": "RUBIC", 
    "InstitutionalDepartmentName": "Department", 
    "IntendedFor": [
        "func/sub-213_task-cardgame_run-01_bold.nii.gz", 
        "func/sub-213_task-cardgame_run-02_bold.nii.gz", 
        "func/sub-213_task-rest_run-03_bold.nii.gz", 
        "func/sub-213_task-rest_run-02_bold.nii.gz", 
        "func/sub-213_task-rest_run-01_bold.nii.gz", 
        "func/sub-213_task-rest_run-04_bold.nii.gz"
    ], 
    "MRAcquisitionType": "2D", 
    "MagneticFieldStrength": 3, 
    "Manufacturer": "Siemens", 
    "ManufacturersModelName": "TrioTim", 
    "Modality": "MR", 
    "PartialFourier": 1, 
    "PatientPosition": "HFS", 
    "PercentPhaseFOV": 100, 
    "PhaseEncodingDirection": "j-", 
    "PhaseEncodingSteps": 68, 
    "PhaseResolution": 1, 
    "PixelBandwidth": 261, 
    "ProcedureStepDescription": "Krekelberg_David", 
    "ProtocolName": "gre_field_mapping", 
    "PulseSequenceDetails": "%SiemensSeq%_gre_field_mapping", 
    "ReceiveCoilName": "HeadMatrix", 
    "ReconMatrixPE": 68, 
    "RepetitionTime": 0.402, 
    "SAR": 0.276296, 
    "ScanningSequence": "GR", 
    "SequenceName": "_fm2d2r", 
    "SequenceVariant": "SP", 
    "SeriesDescription": "gre_field_mapping", 
    "SeriesNumber": 5, 
    "ShimSetting": [
        1950, 
        -618, 
        -7561, 
        948, 
        -26, 
        -118, 
        -633, 
        -176
    ], 
    "SliceThickness": 2.5, 
    "SliceTiming": [
        0.19531, 
        0, 
        0.21094, 
        0.00781, 
        0.21875, 
        0.02344, 
        0.23438, 
        0.03125, 
        0.24219, 
        0.04688, 
        0.25781, 
        0.05469, 
        0.26562, 
        0.0625, 
        0.28125, 
        0.07812, 
        0.28906, 
        0.08594, 
        0.30469, 
        0.10156, 
        0.3125, 
        0.10938, 
        0.32031, 
        0.125, 
        0.33594, 
        0.13281, 
        0.34375, 
        0.14062, 
        0.35938, 
        0.15625, 
        0.36719, 
        0.16406, 
        0.375, 
        0.17969, 
        0.39062, 
        0.1875
    ], 
    "SoftwareVersions": "syngo_MR_B19", 
    "SpacingBetweenSlices": 3, 
    "StationName": "MRC35450", 
    "TxRefAmp": 332.161, 
    "dcmmeta_affine": [
        [
            -2.9993419647216797, 
            -3.546322346892339e-08, 
            0.06282734870910645, 
            102.91204833984375
        ], 
        [
            -0.007112282328307629, 
            2.98071551322937, 
            -0.3395366668701172, 
            -68.44624328613281
        ], 
        [
            0.06242339313030243, 
            0.33960962295532227, 
            2.980060577392578, 
            -76.3277359008789
        ], 
        [
            0.0, 
            0.0, 
            0.0, 
            1.0
        ]
    ], 
    "dcmmeta_reorient_transform": [
        [
            0.0, 
            -1.0, 
            0.0, 
            67.0
        ], 
        [
            1.0, 
            0.0, 
            0.0, 
            0.0
        ], 
        [
            0.0, 
            0.0, 
            -1.0, 
            35.0
        ], 
        [
            0.0, 
            0.0, 
            0.0, 
            1.0
        ]
    ], 
    "dcmmeta_shape": [
        68, 
        68, 
        36
    ], 
    "dcmmeta_slice_dim": 2, 
    "dcmmeta_version": 0.6, 
    "global": {
        "const": {
            "AcquisitionMatrix": [
                68, 
                0, 
                0, 
                68
            ], 
            "AcquisitionNumber": 1, 
            "AngioFlag": "N", 
            "BitsAllocated": 16, 
            "BitsStored": 12, 
            "Columns": 68, 
            "EchoNumbers": 2, 
            "EchoTime": 7.65, 
            "EchoTrainLength": 1, 
            "FlipAngle": 60.0, 
            "HighBit": 11, 
            "ImageOrientationPatient": [
                0.99978068347422, 
                0.002370760821, 
                0.02080779769603, 
                -1.1821075e-08, 
                0.99357185654589, 
                -0.1132032061382
            ], 
            "ImageType": [
                "ORIGINAL", 
                "PRIMARY", 
                "P", 
                "ND"
            ], 
            "ImagedNucleus": "1H", 
            "ImagingFrequency": 123.218467, 
            "InPlanePhaseEncodingDirection": "COL", 
            "MRAcquisitionType": "2D", 
            "MagneticFieldStrength": 3.0, 
            "Manufacturer": "SIEMENS", 
            "ManufacturerModelName": "TrioTim", 
            "Modality": "MR", 
            "NumberOfAverages": 1.0, 
            "NumberOfPhaseEncodingSteps": 68, 
            "PercentPhaseFieldOfView": 100.0, 
            "PercentSampling": 100.0, 
            "PerformedProcedureStepStartTime": "103205.531000", 
            "PhotometricInterpretation": "MONOCHROME2", 
            "PixelBandwidth": 261.0, 
            "PixelRepresentation": 0, 
            "PixelSpacing": [
                3.0, 
                3.0
            ], 
            "ProtocolName": "gre_field_mapping", 
            "RepetitionTime": 402.0, 
            "RescaleIntercept": -4096.0, 
            "RescaleSlope": 2.0, 
            "RescaleType": "US", 
            "Rows": 68, 
            "SAR": 0.276295665465, 
            "SamplesPerPixel": 1, 
            "ScanningSequence": "GR", 
            "SequenceName": "*fm2d2r", 
            "SequenceVariant": "SP", 
            "SeriesDescription": "gre_field_mapping", 
            "SeriesNumber": 5, 
            "SeriesTime": "105402.312000", 
            "SliceThickness": 2.5, 
            "SoftwareVersions": "syngo MR B19", 
            "SpacingBetweenSlices": 3.0, 
            "SpecificCharacterSet": "ISO_IR 100", 
            "StudyID": "1", 
            "StudyTime": "103205.406000", 
            "TransmitCoilName": "Body", 
            "VariableFlipAngleFlag": "N", 
            "WindowCenterWidthExplanation": "Algo1", 
            "dBdt": 0.0
        }, 
