{
  "bids_meta": {
    "AcquisitionMatrixPE": 256,
    "AcquisitionNumber": 1,
    "AcquisitionTime": "11:48:59.727500",
    "BaseResolution": 256,
    "CoilString": "T:HEA;HEP",
    "ConversionSoftware": "dcm2niix",
    "ConversionSoftwareVersion": "v1.0.20190902",
    "DeviceSerialNumber": "35450",
    "DwellTime": 1.15e-05,
    "EchoTime": 0.00252,
    "FlipAngle": 9,
    "ImageOrientationPatientDICOM": [
      0.0348995,
      0.999391,
      2.38994e-08,
      0.0435928,
      -0.00152227,
      -0.999048
    ],
    "ImageType": [
      "ORIGINAL",
      "PRIMARY",
      "M",
      "ND",
      "NORM"
    ],
    "ImagingFrequency": 123.219,
    "InPlanePhaseEncodingDirectionDICOM": "ROW",
    "InstitutionAddress": "Univeristy_Ave._197_Newark_North_East_US_07102-1814",
    "InstitutionName": "RUBIC",
    "InstitutionalDepartmentName": "Department",
    "InversionTime": 0.9,
    "MRAcquisitionType": "3D",
    "MagneticFieldStrength": 3,
    "Manufacturer": "Siemens",
    "ManufacturersModelName": "TrioTim",
    "Modality": "MR",
    "ParallelReductionFactorInPlane": 2,
    "PartialFourier": 1,
    "PatientPosition": "HFS",
    "PercentPhaseFOV": 100,
    "PhaseEncodingSteps": 255,
    "PhaseResolution": 1,
    "PixelBandwidth": 170,
    "ProcedureStepDescription": "Krekelberg_David",
    "ProtocolName": "t1_mpr_ns_sag_p2_iso_12Channel",
    "PulseSequenceDetails": "%SiemensSeq%_tfl",
    "ReceiveCoilName": "HeadMatrix",
    "ReconMatrixPE": 256,
    "RefLinesPE": 24,
    "RepetitionTime": 1.9,
    "SAR": 0.127919,
    "ScanOptions": "IR",
    "ScanningSequence": "GR_IR",
    "SequenceName": "_tfl3d1_ns",
    "SequenceVariant": "SP_MP",
    "SeriesDescription": "t1_mpr_ns_sag_p2_iso_12Channel",
    "SeriesNumber": 3,
    "ShimSetting": [
      1962,
      -560,
      -7993,
      406,
      72,
      417,
      -339,
      -235
    ],
    "SliceThickness": 1,
    "SoftwareVersions": "syngo_MR_B19",
    "StationName": "MRC35450",
    "TxRefAmp": 349.196,
    "dataset": "<unset>",
    "dcmmeta_affine": [
      [
        0.998439610004425,
        0.034899454563856125,
        0.04359281063079834,
        -97.33174896240234
      ],
      [
        -0.03486623615026474,
        0.9993908405303955,
        -0.001522268750704825,
        -104.6820297241211
      ],
      [
        -0.04361938312649727,
        -2.3899435319663098e-08,
        0.9990482330322266,
        -134.5878448486328
      ],
      [
        0.0,
        0.0,
        0.0,
        1.0
      ]
    ],
    "dcmmeta_reorient_transform": [
      [
        0.0,
        0.0,
        -1.0,
        255.0
      ],
      [
        0.0,
        -1.0,
        0.0,
        255.0
      ],
      [
        -1.0,
        0.0,
        0.0,
        175.0
      ],
      [
        0.0,
        0.0,
        0.0,
        1.0
      ]
    ],
    "dcmmeta_shape": [
      176,
      256,
      256
    ],
    "dcmmeta_slice_dim": 0,
    "dcmmeta_version": 0.6,
    "global": {
      "const": {
        "AcquisitionMatrix": [
          0,
          256,
          256,
          0
        ],
        "AcquisitionNumber": 1,
        "AcquisitionTime": "114859.727500",
        "AngioFlag": "N",
        "BitsAllocated": 16,
        "BitsStored": 12,
        "Columns": 256,
        "EchoNumbers": 1,
        "EchoTime": 2.52,
        "EchoTrainLength": 1,
        "FlipAngle": 9.0,
        "HighBit": 11,
        "ImageOrientationPatient": [
          0.03489945305959,
          0.99939082854314,
          2.3899436e-08,
          0.04359281087164,
          -0.0015222687027,
          -0.9990482218283
        ],
        "ImageType": [
          "ORIGINAL",
          "PRIMARY",
          "M",
          "ND",
          "NORM"
        ],
        "ImagedNucleus": "1H",
        "ImagingFrequency": 123.218657,
        "InPlanePhaseEncodingDirection": "ROW",
        "InversionTime": 900.0,
        "MRAcquisitionType": "3D",
        "MagneticFieldStrength": 3.0,
        "Manufacturer": "SIEMENS",
        "ManufacturerModelName": "TrioTim",
        "Modality": "MR",
        "NumberOfAverages": 1.0,
        "NumberOfPhaseEncodingSteps": 255,
        "PercentPhaseFieldOfView": 100.0,
        "PercentSampling": 100.0,
        "PerformedProcedureStepStartTime": "113416.406000",
        "PhotometricInterpretation": "MONOCHROME2",
        "PixelBandwidth": 170.0,
        "PixelRepresentation": 0,
        "PixelSpacing": [
          1.0,
          1.0
        ],
        "ProtocolName": "t1_mpr_ns_sag_p2_iso_12Channel",
        "RepetitionTime": 1900.0,
        "Rows": 256,
        "SAR": 0.12791864560181,
        "SamplesPerPixel": 1,
        "ScanOptions": "IR",
        "ScanningSequence": [
          "GR",
          "IR"
        ],
        "SequenceName": "*tfl3d1_ns",
        "SequenceVariant": [
          "SP",
          "MP"
        ],
        "SeriesDescription": "t1_mpr_ns_sag_p2_iso_12Channel",
        "SeriesNumber": 3,
        "SeriesTime": "115331.718000",
        "SliceThickness": 1.0,
        "SmallestImagePixelValue": 0,
        "SoftwareVersions": "syngo MR B19",
        "SpecificCharacterSet": "ISO_IR 100",
        "StudyID": "1",
        "StudyTime": "113416.359000",
        "TransmitCoilName": "Body",
        "VariableFlipAngleFlag": "N",
        "dBdt": 0.0
      },
