{
    "AcquisitionMatrixPE": 68, 
    "AcquisitionNumber": 1, 
    "AcquisitionTime": "10:42:24.992500", 
    "BaseResolution": 68, 
    "CoilString": "C:HEA;HEP", 
    "ConversionSoftware": "dcm2niix", 
    "ConversionSoftwareVersion": "v1.0.20190902", 
    "DeviceSerialNumber": "35450", 
    "DwellTime": 2.82e-05, 
    "EchoNumber": 2, 
    "EchoTime": 0.00765, 
    "FlipAngle": 60, 
    "ImageOrientationPatientDICOM": [
        1, 
        0, 
        0, 
        0, 
        0.992966, 
        -0.118404
    ], 
    "ImageType": [
        "ORIGINAL", 
        "PRIMARY", 
        "M", 
        "ND"
    ], 
    "ImagingFrequency": 123.218, 
    "InPlanePhaseEncodingDirectionDICOM": "COL", 
    "InstitutionAddress": "Univeristy_Ave._197_Newark_North_East_US_07102-1814", 
    "InstitutionName": "RUBIC", 
    "InstitutionalDepartmentName": "Department", 
    "IntendedFor": [
        "func/sub-232_task-cardgame_run-04_bold.nii.gz", 
        "func/sub-232_task-cardgame_run-03_bold.nii.gz", 
        "func/sub-232_task-cardgame_run-02_bold.nii.gz", 
        "func/sub-232_task-cardgame_run-01_bold.nii.gz", 
        "func/sub-232_task-cardgame_run-05_bold.nii.gz"
    ], 
    "MRAcquisitionType": "2D", 
    "MagneticFieldStrength": 3, 
    "Manufacturer": "Siemens", 
    "ManufacturersModelName": "TrioTim", 
    "Modality": "MR", 
    "PartialFourier": 1, 
    "PatientPosition": "HFS", 
    "PercentPhaseFOV": 100, 
    "PhaseEncodingDirection": "j-", 
    "PhaseEncodingSteps": 68, 
    "PhaseResolution": 1, 
    "PixelBandwidth": 261, 
    "ProcedureStepDescription": "Krekelberg_David", 
    "ProtocolName": "gre_field_mapping", 
    "PulseSequenceDetails": "%SiemensSeq%_gre_field_mapping", 
    "ReceiveCoilName": "HeadMatrix", 
    "ReconMatrixPE": 68, 
    "RepetitionTime": 0.402, 
    "SAR": 0.331343, 
    "ScanningSequence": "GR", 
    "SequenceName": "_fm2d2r", 
    "SequenceVariant": "SP", 
    "SeriesDescription": "gre_field_mapping", 
    "SeriesNumber": 3, 
    "ShimSetting": [
        1947, 
        -588, 
        -7574, 
        860, 
        7, 
        -94, 
        62, 
        64
    ], 
    "SliceThickness": 2.5, 
    "SliceTiming": [
        0.20312, 
        0, 
        0.21875, 
        0.01562, 
        0.22656, 
        0.02344, 
        0.24219, 
        0.03906, 
        0.25, 
        0.04688, 
        0.25781, 
        0.05469, 
        0.27344, 
        0.07031, 
        0.28125, 
        0.07812, 
        0.29688, 
        0.09375, 
        0.30469, 
        0.10156, 
        0.3125, 
        0.11719, 
        0.32812, 
        0.125, 
        0.33594, 
        0.13281, 
        0.35156, 
        0.14844, 
        0.35938, 
        0.15625, 
        0.36719, 
        0.17188, 
        0.38281, 
        0.17969, 
        0.39062, 
        0.19531
    ], 
    "SoftwareVersions": "syngo_MR_B19", 
    "SpacingBetweenSlices": 3, 
    "StationName": "MRC35450", 
    "TxRefAmp": 419.498
}