{
  "aor": 0.00031528225806451616,
  "aqi": 0.006821373669354838,
  "bids_meta": {
    "AcquisitionMatrixPE": 68,
    "AcquisitionNumber": 1,
    "AcquisitionTime": "10:17:34.770000",
    "BandwidthPerPixelPhaseEncode": 31.289,
    "BaseResolution": 68,
    "CogAtlasID": "TODO",
    "CoilString": "C:HEA;HEP",
    "ConversionSoftware": "dcm2niix",
    "ConversionSoftwareVersion": "v1.0.20190902",
    "DerivedVendorReportedEchoSpacing": 0.000470002,
    "DeviceSerialNumber": "35450",
    "DwellTime": 3e-06,
    "EchoTime": 0.023,
    "EffectiveEchoSpacing": 0.000470002,
    "FlipAngle": 76,
    "ImageOrientationPatientDICOM": [
      0.999962,
      0.0020224,
      0.00848896,
      -4.18132e-08,
      0.972776,
      -0.231748
    ],
    "ImageType": [
      "ORIGINAL",
      "PRIMARY",
      "M",
      "ND",
      "MOSAIC"
    ],
    "ImagingFrequency": 123.219,
    "InPlanePhaseEncodingDirectionDICOM": "COL",
    "InstitutionAddress": "Univeristy_Ave._197_Newark_North_East_US_07102-1814",
    "InstitutionName": "RUBIC",
    "InstitutionalDepartmentName": "Department",
    "MRAcquisitionType": "2D",
    "MagneticFieldStrength": 3,
    "Manufacturer": "Siemens",
    "ManufacturersModelName": "TrioTim",
    "Modality": "MR",
    "PartialFourier": 1,
    "PatientPosition": "HFS",
    "PercentPhaseFOV": 100,
    "PhaseEncodingDirection": "j-",
    "PhaseEncodingSteps": 68,
    "PhaseResolution": 1,
    "PixelBandwidth": 2451,
    "ProcedureStepDescription": "Krekelberg_David",
    "ProtocolName": "ep2d_bold_CardGameEPI",
    "PulseSequenceDetails": "%SiemensSeq%_ep2d_bold",
    "ReceiveCoilName": "HeadMatrix",
    "ReconMatrixPE": 68,
    "RepetitionTime": 2,
    "SAR": 0.191377,
    "ScanOptions": "FS",
    "ScanningSequence": "EP",
    "SequenceName": "_epfid2d1_68",
    "SequenceVariant": "SK",
    "SeriesDescription": "ep2d_bold_CardGameEPI",
    "SeriesNumber": 12,
    "ShimSetting": [
      1986,
      -527,
      -7580,
      697,
      15,
      76,
      -374,
      -71
    ],
    "SliceThickness": 2.5,
    "SliceTiming": [
      1.9525,
      1.895,
      1.84,
      1.785,
      1.73,
      1.6725,
      1.6175,
      1.5625,
      1.505,
      1.45,
      1.395,
      1.3375,
      1.2825,
      1.2275,
      1.1725,
      1.115,
      1.06,
      1.005,
      0.9475,
      0.8925,
      0.8375,
      0.78,
      0.725,
      0.67,
      0.6125,
      0.5575,
      0.5025,
      0.4475,
      0.39,
      0.335,
      0.28,
      0.2225,
      0.1675,
      0.1125,
      0.055,
      0
    ],
    "SoftwareVersions": "syngo_MR_B19",
    "SpacingBetweenSlices": 3,
    "StationName": "MRC35450",
    "TaskName": "cardgame",
    "TotalReadoutTime": 0.0314901,
    "TxRefAmp": 435.438,
    "dataset": "<unset>",
    "dcmmeta_affine": [
      [
        -2.9998857975006104,
        -1.2543948457732768e-07,
        0.026179632171988487,
        105.60577392578125
      ],
      [
        -0.00606719683855772,
        2.918327569961548,
        -0.6952172517776489,
        -72.39857482910156
      ],
      [
        0.025466885417699814,
        0.6952437162399292,
        2.9182164669036865,
        -58.605552673339844
      ],
      [
        0.0,
        0.0,
        0.0,
        1.0
      ]
    ],
    "dcmmeta_reorient_transform": [
      [
        0.0,
        -1.0,
        0.0,
        67.0
      ],
      [
        1.0,
        0.0,
        0.0,
        0.0
      ],
      [
        0.0,
        0.0,
        1.0,
        0.0
      ],
      [
        0.0,
        0.0,
        0.0,
        1.0
      ]
    ],
    "dcmmeta_shape": [
      68,
      68,
      36,
      248
    ],
    "dcmmeta_slice_dim": 2,
    "dcmmeta_version": 0.6,
    "global": {
      "const": {
        "AcquisitionMatrix": [
          68,
          0,
          0,
          68
        ],
        "AngioFlag": "N",
        "BitsAllocated": 16,
        "BitsStored": 12,
        "Columns": 408,
        "EchoNumbers": 1,
        "EchoTime": 23.0,
        "EchoTrainLength": 1,
        "FlipAngle": 76.0,
        "HighBit": 11,
        "ImageOrientationPatient": [
          0.99996192298765,
          0.00202239900684,
          0.00848896207399,
          -4.1813161e-08,
          0.97277587834468,
          -0.2317479029263
        ],
        "ImagePositionPatient": [
          -615.58632499011,
          -620.27649881835,
          101.83783712754
        ],
        "ImageType": [
          "ORIGINAL",
          "PRIMARY",
          "M",
          "ND",
          "MOSAIC"
        ],
        "ImagedNucleus": "1H",
        "ImagingFrequency": 123.21868,
        "InPlanePhaseEncodingDirection": "COL",
        "MRAcquisitionType": "2D",
        "MagneticFieldStrength": 3.0,
        "Manufacturer": "SIEMENS",
        "ManufacturerModelName": "TrioTim",
        "Modality": "MR",
        "NumberOfAverages": 1.0,
        "NumberOfPhaseEncodingSteps": 68,
        "PercentPhaseFieldOfView": 100.0,
        "PercentSampling": 100.0,
        "PerformedProcedureStepStartTime": "085933.765000",
        "PhotometricInterpretation": "MONOCHROME2",
        "PixelBandwidth": 2451.0,
        "PixelRepresentation": 0,
        "PixelSpacing": [
          3.0,
          3.0
        ],
        "ProtocolName": "ep2d_bold_CardGameEPI",
        "RepetitionTime": 2000.0,
        "Rows": 408,
        "SAR": 0.19137719383792,
        "SamplesPerPixel": 1,
        "ScanOptions": "FS",
        "ScanningSequence": "EP",
        "SequenceName": "*epfid2d1_68",
        "SequenceVariant": "SK",
        "SeriesDescription": "ep2d_bold_CardGameEPI",
        "SeriesNumber": 12,
        "SeriesTime": "101824.640000",
        "SliceLocation": -39.308743459734,
        "SliceThickness": 2.5,
        "SmallestImagePixelValue": 0,
        "SoftwareVersions": "syngo MR B19",
        "SpacingBetweenSlices": 2.999999978053,
        "SpecificCharacterSet": "ISO_IR 100",
        "StudyID": "1",
        "StudyTime": "085933.437000",
        "TransmitCoilName": "Body",
        "VariableFlipAngleFlag": "N",
        "WindowCenterWidthExplanation": "Algo1",
        "dBdt": 0.0
      },
