{
    "AcquisitionMatrixPE": 68, 
    "AcquisitionNumber": 1, 
    "AcquisitionTime": "11:54:56.082500", 
    "BaseResolution": 68, 
    "CoilString": "C:HEA;HEP", 
    "ConversionSoftware": "dcm2niix", 
    "ConversionSoftwareVersion": "v1.0.20190902", 
    "DeviceSerialNumber": "35450", 
    "DwellTime": 2.82e-05, 
    "EchoNumber": 2, 
    "EchoTime": 0.00765, 
    "EchoTime1": 0.00519, 
    "EchoTime2": 0.00765, 
    "FlipAngle": 60, 
    "ImageOrientationPatientDICOM": [
        0.999123, 
        0.00270232, 
        0.0417884, 
        1.21929e-08, 
        0.997916, 
        -0.0645323
    ], 
    "ImageType": [
        "ORIGINAL", 
        "PRIMARY", 
        "P", 
        "ND"
    ], 
    "ImagingFrequency": 123.219, 
    "InPlanePhaseEncodingDirectionDICOM": "COL", 
    "InstitutionAddress": "Univeristy_Ave._197_Newark_North_East_US_07102-1814", 
    "InstitutionName": "RUBIC", 
    "InstitutionalDepartmentName": "Department", 
    "IntendedFor": [
        "func/sub-212_task-rest_run-02_bold.nii.gz", 
        "func/sub-212_task-rest_run-01_bold.nii.gz", 
        "func/sub-212_task-cardgame_run-01_bold.nii.gz", 
        "func/sub-212_task-cardgame_run-02_bold.nii.gz"
    ], 
    "MRAcquisitionType": "2D", 
    "MagneticFieldStrength": 3, 
    "Manufacturer": "Siemens", 
    "ManufacturersModelName": "TrioTim", 
    "Modality": "MR", 
    "PartialFourier": 1, 
    "PatientPosition": "HFS", 
    "PercentPhaseFOV": 100, 
    "PhaseEncodingDirection": "j-", 
    "PhaseEncodingSteps": 68, 
    "PhaseResolution": 1, 
    "PixelBandwidth": 261, 
    "ProcedureStepDescription": "Krekelberg_David", 
    "ProtocolName": "gre_field_mapping", 
    "PulseSequenceDetails": "%SiemensSeq%_gre_field_mapping", 
    "ReceiveCoilName": "HeadMatrix", 
    "ReconMatrixPE": 68, 
    "RepetitionTime": 0.402, 
    "SAR": 0.230347, 
    "ScanningSequence": "GR", 
    "SequenceName": "_fm2d2r", 
    "SequenceVariant": "SP", 
    "SeriesDescription": "gre_field_mapping", 
    "SeriesNumber": 5, 
    "ShimSetting": [
        1999, 
        -739, 
        -7570, 
        574, 
        179, 
        -12, 
        -404, 
        -100
    ], 
    "SliceThickness": 2.5, 
    "SliceTiming": [
        0.20312, 
        0, 
        0.21094, 
        0.00781, 
        0.21875, 
        0.02344, 
        0.23438, 
        0.03125, 
        0.24219, 
        0.03906, 
        0.25781, 
        0.05469, 
        0.26562, 
        0.0625, 
        0.28125, 
        0.07812, 
        0.28906, 
        0.08594, 
        0.30469, 
        0.10156, 
        0.3125, 
        0.10938, 
        0.32812, 
        0.125, 
        0.33594, 
        0.13281, 
        0.34375, 
        0.14844, 
        0.35938, 
        0.15625, 
        0.36719, 
        0.16406, 
        0.38281, 
        0.17969, 
        0.39062, 
        0.1875
    ], 
    "SoftwareVersions": "syngo_MR_B19", 
    "SpacingBetweenSlices": 3, 
    "StationName": "MRC35450", 
    "TxRefAmp": 315.623, 
    "dcmmeta_affine": [
        [
            -2.997368574142456, 
            3.6578750695070994e-08, 
            0.12562692165374756, 
            97.00019073486328
        ], 
        [
            -0.008106960915029049, 
            2.993746757507324, 
            -0.19342803955078125, 
            -68.02169036865234
        ], 
        [
            0.12536509335041046, 
            0.19359691441059113, 
            2.9911270141601562, 
            -37.233463287353516
        ], 
        [
            0.0, 
            0.0, 
            0.0, 
            1.0
        ]
    ], 
    "dcmmeta_reorient_transform": [
        [
            0.0, 
            -1.0, 
            0.0, 
            67.0
        ], 
        [
            1.0, 
            0.0, 
            0.0, 
            0.0
        ], 
        [
            0.0, 
            0.0, 
            -1.0, 
            35.0
        ], 
        [
            0.0, 
            0.0, 
            0.0, 
            1.0
        ]
    ], 
    "dcmmeta_shape": [
        68, 
        68, 
        36
    ], 
    "dcmmeta_slice_dim": 2, 
    "dcmmeta_version": 0.6, 
    "global": {
        "const": {
            "AcquisitionMatrix": [
                68, 
                0, 
                0, 
                68
            ], 
            "AcquisitionNumber": 1, 
            "AngioFlag": "N", 
            "BitsAllocated": 16, 
            "BitsStored": 12, 
            "Columns": 68, 
            "EchoNumbers": 2, 
            "EchoTime": 7.65, 
            "EchoTrainLength": 1, 
            "FlipAngle": 60.0, 
            "HighBit": 11, 
            "ImageOrientationPatient": [
                0.99912283021673, 
                0.00270232015781, 
                0.04178836686777, 
                1.2192917e-08, 
                0.99791561842447, 
                -0.064532305898
            ], 
            "ImageType": [
                "ORIGINAL", 
                "PRIMARY", 
                "P", 
                "ND"
            ], 
            "ImagedNucleus": "1H", 
            "ImagingFrequency": 123.218553, 
            "InPlanePhaseEncodingDirection": "COL", 
            "MRAcquisitionType": "2D", 
            "MagneticFieldStrength": 3.0, 
            "Manufacturer": "SIEMENS", 
            "ManufacturerModelName": "TrioTim", 
            "Modality": "MR", 
            "NumberOfAverages": 1.0, 
            "NumberOfPhaseEncodingSteps": 68, 
            "PercentPhaseFieldOfView": 100.0, 
            "PercentSampling": 100.0, 
            "PerformedProcedureStepStartTime": "113511.406000", 
            "PhotometricInterpretation": "MONOCHROME2", 
            "PixelBandwidth": 261.0, 
            "PixelRepresentation": 0, 
            "PixelSpacing": [
                3.0, 
                3.0
            ], 
            "ProtocolName": "gre_field_mapping", 
            "RepetitionTime": 402.0, 
            "RescaleIntercept": -4096.0, 
            "RescaleSlope": 2.0, 
            "RescaleType": "US", 
            "Rows": 68, 
            "SAR": 0.23034714986314, 
            "SamplesPerPixel": 1, 
            "ScanningSequence": "GR", 
            "SequenceName": "*fm2d2r", 
            "SequenceVariant": "SP", 
            "SeriesDescription": "gre_field_mapping", 
            "SeriesNumber": 5, 
            "SeriesTime": "115556.859000", 
            "SliceThickness": 2.5, 
            "SoftwareVersions": "syngo MR B19", 
            "SpacingBetweenSlices": 3.0, 
            "SpecificCharacterSet": "ISO_IR 100", 
            "StudyID": "1", 
            "StudyTime": "113511.375000", 
            "TransmitCoilName": "Body", 
            "VariableFlipAngleFlag": "N", 
            "WindowCenterWidthExplanation": "Algo1", 
            "dBdt": 0.0
        }, 
