{
  "bids_meta": {
    "AcquisitionMatrixPE": 256,
    "AcquisitionNumber": 1,
    "AcquisitionTime": "15:13:40.062500",
    "BaseResolution": 256,
    "CoilString": "T:HEA;HEP",
    "ConversionSoftware": "dcm2niix",
    "ConversionSoftwareVersion": "v1.0.20190902",
    "DeviceSerialNumber": "35450",
    "DwellTime": 1.15e-05,
    "EchoTime": 0.00252,
    "FlipAngle": 9,
    "ImageOrientationPatientDICOM": [
      0.0104734,
      0.999945,
      1.09508e-08,
      -0.0174505,
      0.000182787,
      -0.999848
    ],
    "ImageType": [
      "ORIGINAL",
      "PRIMARY",
      "M",
      "ND",
      "NORM"
    ],
    "ImagingFrequency": 123.219,
    "InPlanePhaseEncodingDirectionDICOM": "ROW",
    "InstitutionAddress": "Univeristy_Ave._197_Newark_North_East_US_07102-1814",
    "InstitutionName": "RUBIC",
    "InstitutionalDepartmentName": "Department",
    "InversionTime": 0.9,
    "MRAcquisitionType": "3D",
    "MagneticFieldStrength": 3,
    "Manufacturer": "Siemens",
    "ManufacturersModelName": "TrioTim",
    "Modality": "MR",
    "ParallelReductionFactorInPlane": 2,
    "PartialFourier": 1,
    "PatientPosition": "HFS",
    "PercentPhaseFOV": 100,
    "PhaseEncodingSteps": 255,
    "PhaseResolution": 1,
    "PixelBandwidth": 170,
    "ProcedureStepDescription": "Krekelberg_David",
    "ProtocolName": "t1_mpr_ns_sag_p2_iso_12Channel",
    "PulseSequenceDetails": "%SiemensSeq%_tfl",
    "ReceiveCoilName": "HeadMatrix",
    "ReconMatrixPE": 256,
    "RefLinesPE": 24,
    "RepetitionTime": 1.9,
    "SAR": 0.124432,
    "ScanOptions": "IR",
    "ScanningSequence": "GR_IR",
    "SequenceName": "_tfl3d1_ns",
    "SequenceVariant": "SP_MP",
    "SeriesDescription": "t1_mpr_ns_sag_p2_iso_12Channel",
    "SeriesNumber": 2,
    "ShimSetting": [
      1962,
      -560,
      -7993,
      406,
      72,
      417,
      -339,
      -235
    ],
    "SliceThickness": 1,
    "SoftwareVersions": "syngo_MR_B19",
    "StationName": "MRC35450",
    "TxRefAmp": 328.022,
    "dataset": "<unset>",
    "dcmmeta_affine": [
      [
        0.9997928738594055,
        0.010473417118191719,
        -0.017450470477342606,
        -85.91785430908203
      ],
      [
        -0.010471821762621403,
        0.9999451637268066,
        0.00018278702918905765,
        -105.76097869873047
      ],
      [
        0.01745142787694931,
        -1.0950767403983264e-08,
        0.9998477101325989,
        -127.14801025390625
      ],
      [
        0.0,
        0.0,
        0.0,
        1.0
      ]
    ],
    "dcmmeta_reorient_transform": [
      [
        0.0,
        0.0,
        -1.0,
        255.0
      ],
      [
        0.0,
        -1.0,
        0.0,
        255.0
      ],
      [
        -1.0,
        0.0,
        0.0,
        175.0
      ],
      [
        0.0,
        0.0,
        0.0,
        1.0
      ]
    ],
    "dcmmeta_shape": [
      176,
      256,
      256
    ],
    "dcmmeta_slice_dim": 0,
    "dcmmeta_version": 0.6,
    "global": {
      "const": {
        "AcquisitionMatrix": [
          0,
          256,
          256,
          0
        ],
        "AcquisitionNumber": 1,
        "AcquisitionTime": "151340.062500",
        "AngioFlag": "N",
        "BitsAllocated": 16,
        "BitsStored": 12,
        "Columns": 256,
        "EchoNumbers": 1,
        "EchoTime": 2.52,
        "EchoTrainLength": 1,
        "FlipAngle": 9.0,
        "HighBit": 11,
        "ImageOrientationPatient": [
          0.01047341714636,
          0.9999451522625,
          1.0950767e-08,
          -0.0174504701414,
          0.00018278702774,
          -0.9998477122446
        ],
        "ImageType": [
          "ORIGINAL",
          "PRIMARY",
          "M",
          "ND",
          "NORM"
        ],
        "ImagedNucleus": "1H",
        "ImagingFrequency": 123.218565,
        "InPlanePhaseEncodingDirection": "ROW",
        "InversionTime": 900.0,
        "MRAcquisitionType": "3D",
        "MagneticFieldStrength": 3.0,
        "Manufacturer": "SIEMENS",
        "ManufacturerModelName": "TrioTim",
        "Modality": "MR",
        "NumberOfAverages": 1.0,
        "NumberOfPhaseEncodingSteps": 255,
        "PercentPhaseFieldOfView": 100.0,
        "PercentSampling": 100.0,
        "PerformedProcedureStepStartTime": "150624.671000",
        "PhotometricInterpretation": "MONOCHROME2",
        "PixelBandwidth": 170.0,
        "PixelRepresentation": 0,
        "PixelSpacing": [
          1.0,
          1.0
        ],
        "ProtocolName": "t1_mpr_ns_sag_p2_iso_12Channel",
        "RepetitionTime": 1900.0,
        "Rows": 256,
        "SAR": 0.12443209863806,
        "SamplesPerPixel": 1,
        "ScanOptions": "IR",
        "ScanningSequence": [
          "GR",
          "IR"
        ],
        "SequenceName": "*tfl3d1_ns",
        "SequenceVariant": [
          "SP",
          "MP"
        ],
        "SeriesDescription": "t1_mpr_ns_sag_p2_iso_12Channel",
        "SeriesNumber": 2,
        "SeriesTime": "151810.984000",
        "SliceThickness": 1.0,
        "SmallestImagePixelValue": 0,
        "SoftwareVersions": "syngo MR B19",
        "SpecificCharacterSet": "ISO_IR 100",
        "StudyID": "1",
        "StudyTime": "150624.625000",
        "TransmitCoilName": "Body",
        "VariableFlipAngleFlag": "N",
        "dBdt": 0.0
      },
