{
    "AcquisitionMatrixPE": 68, 
    "AcquisitionNumber": 1, 
    "AcquisitionTime": "13:47:3.777500", 
    "BaseResolution": 68, 
    "CoilString": "C:HEA;HEP", 
    "ConversionSoftware": "dcm2niix", 
    "ConversionSoftwareVersion": "v1.0.20190902", 
    "DeviceSerialNumber": "35450", 
    "DwellTime": 2.82e-05, 
    "EchoNumber": 2, 
    "EchoTime": 0.00765, 
    "EchoTime1": 0.00519, 
    "EchoTime2": 0.00765, 
    "FlipAngle": 60, 
    "ImageOrientationPatientDICOM": [
        0.998027, 
        -0.00416133, 
        -0.0626525, 
        -4.56857e-08, 
        0.997801, 
        -0.0662739
    ], 
    "ImageType": [
        "ORIGINAL", 
        "PRIMARY", 
        "P", 
        "ND"
    ], 
    "ImagingFrequency": 123.219, 
    "InPlanePhaseEncodingDirectionDICOM": "COL", 
    "InstitutionAddress": "Univeristy_Ave._197_Newark_North_East_US_07102-1814", 
    "InstitutionName": "RUBIC", 
    "InstitutionalDepartmentName": "Department", 
    "IntendedFor": [
        "func/sub-189_task-cardgame_run-02_bold.nii.gz", 
        "func/sub-189_task-rest_run-04_bold.nii.gz", 
        "func/sub-189_task-rest_run-01_bold.nii.gz", 
        "func/sub-189_task-cardgame_run-01_bold.nii.gz", 
        "func/sub-189_task-rest_run-03_bold.nii.gz", 
        "func/sub-189_task-rest_run-02_bold.nii.gz", 
        "func/sub-189_task-cardgame_run-03_bold.nii.gz"
    ], 
    "MRAcquisitionType": "2D", 
    "MagneticFieldStrength": 3, 
    "Manufacturer": "Siemens", 
    "ManufacturersModelName": "TrioTim", 
    "Modality": "MR", 
    "PartialFourier": 1, 
    "PatientPosition": "HFS", 
    "PercentPhaseFOV": 100, 
    "PhaseEncodingDirection": "j-", 
    "PhaseEncodingSteps": 68, 
    "PhaseResolution": 1, 
    "PixelBandwidth": 261, 
    "ProcedureStepDescription": "Krekelberg_David", 
    "ProtocolName": "gre_field_mapping", 
    "PulseSequenceDetails": "%SiemensSeq%_gre_field_mapping", 
    "ReceiveCoilName": "HeadMatrix", 
    "ReconMatrixPE": 68, 
    "RepetitionTime": 0.402, 
    "SAR": 0.2881, 
    "ScanningSequence": "GR", 
    "SequenceName": "_fm2d2r", 
    "SequenceVariant": "SP", 
    "SeriesDescription": "gre_field_mapping", 
    "SeriesNumber": 5, 
    "ShimSetting": [
        1898, 
        -590, 
        -7668, 
        882, 
        -62, 
        200, 
        -424, 
        -23
    ], 
    "SliceThickness": 2.5, 
    "SliceTiming": [
        0.20312, 
        0, 
        0.21875, 
        0.01562, 
        0.21875, 
        0.01562, 
        0.23438, 
        0.03125, 
        0.25, 
        0.04688, 
        0.25, 
        0.04688, 
        0.26562, 
        0.0625, 
        0.28125, 
        0.07812, 
        0.29688, 
        0.09375, 
        0.29688, 
        0.09375, 
        0.3125, 
        0.10938, 
        0.32812, 
        0.125, 
        0.32812, 
        0.125, 
        0.34375, 
        0.14062, 
        0.35938, 
        0.15625, 
        0.35938, 
        0.17188, 
        0.375, 
        0.17188, 
        0.39062, 
        0.1875
    ], 
    "SoftwareVersions": "syngo_MR_B19", 
    "SpacingBetweenSlices": 3, 
    "StationName": "MRC35450", 
    "TxRefAmp": 326.752, 
    "dcmmeta_affine": [
        [
            -2.994080066680908, 
            -1.3705708568068076e-07, 
            -0.18837156891822815, 
            108.48506164550781
        ], 
        [
            0.012483981437981129, 
            2.9934043884277344, 
            -0.19842910766601562, 
            -76.76353454589844
        ], 
        [
            -0.18795742094516754, 
            0.19882169365882874, 
            2.987499237060547, 
            -40.926639556884766
        ], 
        [
            0.0, 
            0.0, 
            0.0, 
            1.0
        ]
    ], 
    "dcmmeta_reorient_transform": [
        [
            0.0, 
            -1.0, 
            0.0, 
            67.0
        ], 
        [
            1.0, 
            0.0, 
            0.0, 
            0.0
        ], 
        [
            0.0, 
            0.0, 
            -1.0, 
            35.0
        ], 
        [
            0.0, 
            0.0, 
            0.0, 
            1.0
        ]
    ], 
    "dcmmeta_shape": [
        68, 
        68, 
        36
    ], 
    "dcmmeta_slice_dim": 2, 
    "dcmmeta_version": 0.6, 
    "global": {
        "const": {
            "AcquisitionMatrix": [
                68, 
                0, 
                0, 
                68
            ], 
            "AcquisitionNumber": 1, 
            "AngioFlag": "N", 
            "BitsAllocated": 16, 
            "BitsStored": 12, 
            "Columns": 68, 
            "EchoNumbers": 2, 
            "EchoTime": 7.65, 
            "EchoTrainLength": 1, 
            "FlipAngle": 60.0, 
            "HighBit": 11, 
            "ImageOrientationPatient": [
                0.99802672849261, 
                -0.0041613270076, 
                -0.062652474587, 
                -4.5685696e-08, 
                0.99780146836257, 
                -0.0662738993383
            ], 
            "ImageType": [
                "ORIGINAL", 
                "PRIMARY", 
                "P", 
                "ND"
            ], 
            "ImagedNucleus": "1H", 
            "ImagingFrequency": 123.218635, 
            "InPlanePhaseEncodingDirection": "COL", 
            "MRAcquisitionType": "2D", 
            "MagneticFieldStrength": 3.0, 
            "Manufacturer": "SIEMENS", 
            "ManufacturerModelName": "TrioTim", 
            "Modality": "MR", 
            "NumberOfAverages": 1.0, 
            "NumberOfPhaseEncodingSteps": 68, 
            "PercentPhaseFieldOfView": 100.0, 
            "PercentSampling": 100.0, 
            "PerformedProcedureStepStartTime": "131936.968000", 
            "PhotometricInterpretation": "MONOCHROME2", 
            "PixelBandwidth": 261.0, 
            "PixelRepresentation": 0, 
            "PixelSpacing": [
                3.0, 
                3.0
            ], 
            "ProtocolName": "gre_field_mapping", 
            "RepetitionTime": 402.0, 
            "RescaleIntercept": -4096.0, 
            "RescaleSlope": 2.0, 
            "RescaleType": "US", 
            "Rows": 68, 
            "SAR": 0.28809974148143, 
            "SamplesPerPixel": 1, 
            "ScanningSequence": "GR", 
            "SequenceName": "*fm2d2r", 
            "SequenceVariant": "SP", 
            "SeriesDescription": "gre_field_mapping", 
            "SeriesNumber": 5, 
            "SeriesTime": "134806.578000", 
            "SliceThickness": 2.5, 
            "SoftwareVersions": "syngo MR B19", 
            "SpacingBetweenSlices": 3.0, 
            "SpecificCharacterSet": "ISO_IR 100", 
            "StudyID": "1", 
            "StudyTime": "131936.937000", 
            "TransmitCoilName": "Body", 
            "VariableFlipAngleFlag": "N", 
            "WindowCenterWidthExplanation": "Algo1", 
            "dBdt": 0.0
        }, 
