{
  "AcquisitionMatrixPE": 68,
  "AcquisitionNumber": 1,
  "AcquisitionTime": "16:41:45.510000",
  "BandwidthPerPixelPhaseEncode": 31.289,
  "BaseResolution": 68,
  "CoilString": "C:HEA;HEP",
  "ConversionSoftware": "dcm2niix",
  "ConversionSoftwareVersion": "v1.0.20190902",
  "DerivedVendorReportedEchoSpacing": 0.000470002,
  "DeviceSerialNumber": "35450",
  "DwellTime": 3e-06,
  "EchoTime": 0.023,
  "EffectiveEchoSpacing": 0.000470002,
  "FlipAngle": 76,
  "ImageOrientationPatientDICOM": [0.999903, 0.000438497, 0.0139553, 6.58041e-08, 0.999507, -0.0314108],
  "ImageType": [
    "ORIGINAL",
    "PRIMARY",
    "M",
    "ND",
    "MOSAIC"
],
  "ImagingFrequency": 123.219,
  "InPlanePhaseEncodingDirectionDICOM": "COL",
  "InstitutionAddress": "Univeristy_Ave._197_Newark_North_East_US_07102-1814",
  "InstitutionName": "RUBIC",
  "InstitutionalDepartmentName": "Department",
  "MRAcquisitionType": "2D",
  "MagneticFieldStrength": 3,
  "Manufacturer": "Siemens",
  "ManufacturersModelName": "TrioTim",
  "Modality": "MR",
  "PartialFourier": 1,
  "PatientPosition": "HFS",
  "PercentPhaseFOV": 100,
  "PhaseEncodingDirection": "j-",
  "PhaseEncodingSteps": 68,
  "PhaseResolution": 1,
  "PixelBandwidth": 2451,
  "ProcedureStepDescription": "Krekelberg_David",
  "ProtocolName": "ep2d_bold_CardGameEPI_2",
  "PulseSequenceDetails": "%SiemensSeq%_ep2d_bold",
  "ReceiveCoilName": "HeadMatrix",
  "ReconMatrixPE": 68,
  "RepetitionTime": 2,
  "SAR": 0.207029,
  "ScanOptions": "FS",
  "ScanningSequence": "EP",
  "SequenceName": "_epfid2d1_68",
  "SequenceVariant": "SK",
  "SeriesDescription": "ep2d_bold_CardGameEPI_2",
  "SeriesNumber": 10,
  "ShimSetting": [1978, -681, -7618, 510, 26, 56, -67, -53],
  "SliceThickness": 2.5,
  "SliceTiming": [1.95, 1.895, 1.84, 1.7825, 1.7275, 1.6725, 1.6175, 1.56, 1.505, 1.45, 1.3925, 1.3375, 1.2825, 1.225, 1.17, 1.115, 1.0575, 1.0025, 0.9475, 0.8925, 0.835, 0.78, 0.725, 0.6675, 0.6125, 0.5575, 0.5, 0.445, 0.39, 0.335, 0.2775, 0.2225, 0.1675, 0.11, 0.055, 0],
  "SoftwareVersions": "syngo_MR_B19",
  "SpacingBetweenSlices": 3,
  "StationName": "MRC35450",
  "TaskName": "cardgame",
  "TotalReadoutTime": 0.0314901,
  "TxRefAmp": 371.337,
  "dcmmeta_affine": [
    [-2.9997074604034424, 1.9741216306101705e-07, 0.04188653454184532, 101.25703430175781],
    [-0.0013154904590919614, 2.9985196590423584, -0.09422308951616287, -74.88463592529297],
    [0.04186587408185005, 0.09423227608203888, 2.99822735786438, -42.086830139160156],
    [0.0, 0.0, 0.0, 1.0]
],
  "dcmmeta_reorient_transform": [
    [0.0, -1.0, 0.0, 67.0],
    [1.0, 0.0, 0.0, 0.0],
    [0.0, 0.0, 1.0, 0.0],
    [0.0, 0.0, 0.0, 1.0]
],
  "dcmmeta_shape": [68, 68, 36, 258],
  "dcmmeta_slice_dim": 2,
  "dcmmeta_version": 0.6,
  "global": {
    "const": {
      "AcquisitionMatrix": [68, 0, 0, 68],
      "AngioFlag": "N",
      "BitsAllocated": 16,
      "BitsStored": 12,
      "Columns": 408,
      "EchoNumbers": 1,
      "EchoTime": 23.0,
      "EchoTrainLength": 1,
      "FlipAngle": 76.0,
      "HighBit": 11,
      "ImageOrientationPatient": [0.99990252403474, 0.00043849683883, 0.01395529109297, 6.5804054e-08, 0.9995065604144, -0.0314107575294],
      "ImagePositionPatient": [-611.20737051696, -635.98816077506, -26.870980737171],
      "ImageType": [
        "ORIGINAL",
        "PRIMARY",
        "M",
        "ND",
        "MOSAIC"
],
      "ImagedNucleus": "1H",
      "ImagingFrequency": 123.21857,
      "InPlanePhaseEncodingDirection": "COL",
      "MRAcquisitionType": "2D",
      "MagneticFieldStrength": 3.0,
      "Manufacturer": "SIEMENS",
      "ManufacturerModelName": "TrioTim",
      "Modality": "MR",
      "NumberOfAverages": 1.0,
      "NumberOfPhaseEncodingSteps": 68,
      "PercentPhaseFieldOfView": 100.0,
      "PercentSampling": 100.0,
      "PerformedProcedureStepStartTime": "153409.281000",
      "PhotometricInterpretation": "MONOCHROME2",
      "PixelBandwidth": 2451.0,
      "PixelRepresentation": 0,
      "PixelSpacing": [3.0, 3.0],
      "ProtocolName": "ep2d_bold_CardGameEPI_2",
      "RepetitionTime": 2000.0,
      "Rows": 408,
      "SAR": 0.20702907007732,
      "SamplesPerPixel": 1,
      "ScanOptions": "FS",
      "ScanningSequence": "EP",
      "SequenceName": "*epfid2d1_68",
      "SequenceVariant": "SK",
      "SeriesDescription": "ep2d_bold_CardGameEPI_2",
      "SeriesNumber": 10,
      "SeriesTime": "164243.500000",
      "SliceLocation": -38.296240358971,
      "SliceThickness": 2.5,
      "SmallestImagePixelValue": 0,
      "SoftwareVersions": "syngo MR B19",
      "SpacingBetweenSlices": 2.9999999668045,
      "SpecificCharacterSet": "ISO_IR 100",
      "StudyID": "1",
      "StudyTime": "153409.234000",
      "TransmitCoilName": "Body",
      "VariableFlipAngleFlag": "N",
      "WindowCenterWidthExplanation": "Algo1",
      "dBdt": 0.0},
