{
    "AcquisitionMatrixPE": 68, 
    "AcquisitionNumber": 1, 
    "AcquisitionTime": "11:53:57.092500", 
    "BaseResolution": 68, 
    "CoilString": "C:HEA;HEP", 
    "ConversionSoftware": "dcm2niix", 
    "ConversionSoftwareVersion": "v1.0.20190902", 
    "DeviceSerialNumber": "35450", 
    "DwellTime": 2.82e-05, 
    "EchoNumber": 2, 
    "EchoTime": 0.00765, 
    "EchoTime1": 0.00519, 
    "EchoTime2": 0.00765, 
    "FlipAngle": 60, 
    "ImageOrientationPatientDICOM": [
        0.999816, 
        0.00103812, 
        0.0191694, 
        5.21597e-08, 
        0.998537, 
        -0.0540788
    ], 
    "ImageType": [
        "ORIGINAL", 
        "PRIMARY", 
        "P", 
        "ND"
    ], 
    "ImagingFrequency": 123.219, 
    "InPlanePhaseEncodingDirectionDICOM": "COL", 
    "InstitutionAddress": "Univeristy_Ave._197_Newark_North_East_US_07102-1814", 
    "InstitutionName": "RUBIC", 
    "InstitutionalDepartmentName": "Department", 
    "IntendedFor": [
        "func/sub-238_task-rest_run-01_bold.nii.gz", 
        "func/sub-238_task-rest_run-03_bold.nii.gz", 
        "func/sub-238_task-cardgame_run-02_bold.nii.gz", 
        "func/sub-238_task-cardgame_run-01_bold.nii.gz", 
        "func/sub-238_task-rest_run-02_bold.nii.gz", 
        "func/sub-238_task-cardgame_run-03_bold.nii.gz", 
        "func/sub-238_task-rest_run-04_bold.nii.gz"
    ], 
    "MRAcquisitionType": "2D", 
    "MagneticFieldStrength": 3, 
    "Manufacturer": "Siemens", 
    "ManufacturersModelName": "TrioTim", 
    "Modality": "MR", 
    "PartialFourier": 1, 
    "PatientPosition": "HFS", 
    "PercentPhaseFOV": 100, 
    "PhaseEncodingDirection": "j-", 
    "PhaseEncodingSteps": 68, 
    "PhaseResolution": 1, 
    "PixelBandwidth": 261, 
    "ProcedureStepDescription": "Krekelberg_David", 
    "ProtocolName": "gre_field_mapping", 
    "PulseSequenceDetails": "%SiemensSeq%_gre_field_mapping", 
    "ReceiveCoilName": "HeadMatrix", 
    "ReconMatrixPE": 68, 
    "RepetitionTime": 0.402, 
    "SAR": 0.256777, 
    "ScanningSequence": "GR", 
    "SequenceName": "_fm2d2r", 
    "SequenceVariant": "SP", 
    "SeriesDescription": "gre_field_mapping", 
    "SeriesNumber": 5, 
    "ShimSetting": [
        2008, 
        -516, 
        -7874, 
        641, 
        420, 
        761, 
        -177, 
        -18
    ], 
    "SliceThickness": 2.5, 
    "SliceTiming": [
        0.20312, 
        0, 
        0.21094, 
        0.01562, 
        0.22656, 
        0.02344, 
        0.23438, 
        0.03125, 
        0.25, 
        0.04688, 
        0.25781, 
        0.05469, 
        0.26562, 
        0.07031, 
        0.28125, 
        0.07812, 
        0.28906, 
        0.09375, 
        0.30469, 
        0.10156, 
        0.3125, 
        0.11719, 
        0.32812, 
        0.125, 
        0.33594, 
        0.13281, 
        0.35156, 
        0.14844, 
        0.35938, 
        0.15625, 
        0.375, 
        0.17188, 
        0.38281, 
        0.17969, 
        0.39062, 
        0.19531
    ], 
    "SoftwareVersions": "syngo_MR_B19", 
    "SpacingBetweenSlices": 3, 
    "StationName": "MRC35450", 
    "TxRefAmp": 349.196, 
    "dcmmeta_affine": [
        [
            -2.9994471073150635, 
            1.564792029284945e-07, 
            0.05759239196777344, 
            101.65129852294922
        ], 
        [
            -0.0031143680680543184, 
            2.995609998703003, 
            -0.16220664978027344, 
            -80.99466705322266
        ], 
        [
            0.05750805139541626, 
            0.16223643720149994, 
            2.9950637817382812, 
            -29.214296340942383
        ], 
        [
            0.0, 
            0.0, 
            0.0, 
            1.0
        ]
    ], 
    "dcmmeta_reorient_transform": [
        [
            0.0, 
            -1.0, 
            0.0, 
            67.0
        ], 
        [
            1.0, 
            0.0, 
            0.0, 
            0.0
        ], 
        [
            0.0, 
            0.0, 
            -1.0, 
            35.0
        ], 
        [
            0.0, 
            0.0, 
            0.0, 
            1.0
        ]
    ], 
    "dcmmeta_shape": [
        68, 
        68, 
        36
    ], 
    "dcmmeta_slice_dim": 2, 
    "dcmmeta_version": 0.6, 
    "global": {
        "const": {
            "AcquisitionMatrix": [
                68, 
                0, 
                0, 
                68
            ], 
            "AcquisitionNumber": 1, 
            "AngioFlag": "N", 
            "BitsAllocated": 16, 
            "BitsStored": 12, 
            "Columns": 68, 
            "EchoNumbers": 2, 
            "EchoTime": 7.65, 
            "EchoTrainLength": 1, 
            "FlipAngle": 60.0, 
            "HighBit": 11, 
            "ImageOrientationPatient": [
                0.9998157121633, 
                0.00103812269699, 
                0.01916935086707, 
                5.2159735e-08, 
                0.99853667035216, 
                -0.0540788125056
            ], 
            "ImageType": [
                "ORIGINAL", 
                "PRIMARY", 
                "P", 
                "ND"
            ], 
            "ImagedNucleus": "1H", 
            "ImagingFrequency": 123.218631, 
            "InPlanePhaseEncodingDirection": "COL", 
            "MRAcquisitionType": "2D", 
            "MagneticFieldStrength": 3.0, 
            "Manufacturer": "SIEMENS", 
            "ManufacturerModelName": "TrioTim", 
            "Modality": "MR", 
            "NumberOfAverages": 1.0, 
            "NumberOfPhaseEncodingSteps": 68, 
            "PercentPhaseFieldOfView": 100.0, 
            "PercentSampling": 100.0, 
            "PerformedProcedureStepStartTime": "113416.406000", 
            "PhotometricInterpretation": "MONOCHROME2", 
            "PixelBandwidth": 261.0, 
            "PixelRepresentation": 0, 
            "PixelSpacing": [
                3.0, 
                3.0
            ], 
            "ProtocolName": "gre_field_mapping", 
            "RepetitionTime": 402.0, 
            "RescaleIntercept": -4096.0, 
            "RescaleSlope": 2.0, 
            "RescaleType": "US", 
            "Rows": 68, 
            "SAR": 0.25677716221713, 
            "SamplesPerPixel": 1, 
            "ScanningSequence": "GR", 
            "SequenceName": "*fm2d2r", 
            "SequenceVariant": "SP", 
            "SeriesDescription": "gre_field_mapping", 
            "SeriesNumber": 5, 
            "SeriesTime": "115458.593000", 
            "SliceThickness": 2.5, 
            "SoftwareVersions": "syngo MR B19", 
            "SpacingBetweenSlices": 3.0, 
            "SpecificCharacterSet": "ISO_IR 100", 
            "StudyID": "1", 
            "StudyTime": "113416.359000", 
            "TransmitCoilName": "Body", 
            "VariableFlipAngleFlag": "N", 
            "WindowCenterWidthExplanation": "Algo1", 
            "dBdt": 0.0
        }, 
