{
  "bids_meta": {
    "AcquisitionMatrixPE": 256,
    "AcquisitionNumber": 1,
    "AcquisitionTime": "09:09:18.942500",
    "BaseResolution": 256,
    "CoilString": "T:HEA;HEP",
    "ConversionSoftware": "dcm2niix",
    "ConversionSoftwareVersion": "v1.0.20190902",
    "DeviceSerialNumber": "35450",
    "DwellTime": 1.15e-05,
    "EchoTime": 0.00252,
    "FlipAngle": 9,
    "ImageOrientationPatientDICOM": [
      -0.012217,
      0.999925,
      -2.00288e-08,
      0.0279196,
      0.000341098,
      -0.99961
    ],
    "ImageType": [
      "ORIGINAL",
      "PRIMARY",
      "M",
      "ND",
      "NORM"
    ],
    "ImagingFrequency": 123.219,
    "InPlanePhaseEncodingDirectionDICOM": "ROW",
    "InstitutionAddress": "Univeristy_Ave._197_Newark_North_East_US_07102-1814",
    "InstitutionName": "RUBIC",
    "InstitutionalDepartmentName": "Department",
    "InversionTime": 0.9,
    "MRAcquisitionType": "3D",
    "MagneticFieldStrength": 3,
    "Manufacturer": "Siemens",
    "ManufacturersModelName": "TrioTim",
    "Modality": "MR",
    "ParallelReductionFactorInPlane": 2,
    "PartialFourier": 1,
    "PatientPosition": "HFS",
    "PercentPhaseFOV": 100,
    "PhaseEncodingSteps": 255,
    "PhaseResolution": 1,
    "PixelBandwidth": 170,
    "ProcedureStepDescription": "Krekelberg_David",
    "ProtocolName": "t1_mpr_ns_sag_p2_iso_12Channel",
    "PulseSequenceDetails": "%SiemensSeq%_tfl",
    "ReceiveCoilName": "HeadMatrix",
    "ReconMatrixPE": 256,
    "RefLinesPE": 24,
    "RepetitionTime": 1.9,
    "SAR": 0.149315,
    "ScanOptions": "IR",
    "ScanningSequence": "GR_IR",
    "SequenceName": "_tfl3d1_ns",
    "SequenceVariant": "SP_MP",
    "SeriesDescription": "t1_mpr_ns_sag_p2_iso_12Channel",
    "SeriesNumber": 2,
    "ShimSetting": [
      1962,
      -560,
      -7993,
      406,
      72,
      417,
      -339,
      -235
    ],
    "SliceThickness": 1,
    "SoftwareVersions": "syngo_MR_B19",
    "StationName": "MRC35450",
    "TxRefAmp": 435.438,
    "dataset": "<unset>",
    "dcmmeta_affine": [
      [
        0.9995355010032654,
        -0.012216964736580849,
        0.027919568121433258,
        -87.41964721679688
      ],
      [
        0.012212201952934265,
        0.9999253749847412,
        0.00034109779517166317,
        -92.1771469116211
      ],
      [
        -0.0279216505587101,
        2.0028750213896274e-08,
        0.9996101260185242,
        -143.49038696289062
      ],
      [
        0.0,
        0.0,
        0.0,
        1.0
      ]
    ],
    "dcmmeta_reorient_transform": [
      [
        0.0,
        0.0,
        -1.0,
        255.0
      ],
      [
        0.0,
        -1.0,
        0.0,
        255.0
      ],
      [
        -1.0,
        0.0,
        0.0,
        175.0
      ],
      [
        0.0,
        0.0,
        0.0,
        1.0
      ]
    ],
    "dcmmeta_shape": [
      176,
      256,
      256
    ],
    "dcmmeta_slice_dim": 0,
    "dcmmeta_version": 0.6,
    "global": {
      "const": {
        "AcquisitionMatrix": [
          0,
          256,
          256,
          0
        ],
        "AcquisitionNumber": 1,
        "AcquisitionTime": "090918.942500",
        "AngioFlag": "N",
        "BitsAllocated": 16,
        "BitsStored": 12,
        "Columns": 256,
        "EchoNumbers": 1,
        "EchoTime": 2.52,
        "EchoTrainLength": 1,
        "FlipAngle": 9.0,
        "HighBit": 11,
        "ImageOrientationPatient": [
          -0.0122169643219,
          0.99992537010657,
          -2.002875e-08,
          0.02791956738266,
          0.00034109779375,
          -0.9996101146995
        ],
        "ImageType": [
          "ORIGINAL",
          "PRIMARY",
          "M",
          "ND",
          "NORM"
        ],
        "ImagedNucleus": "1H",
        "ImagingFrequency": 123.218605,
        "InPlanePhaseEncodingDirection": "ROW",
        "InversionTime": 900.0,
        "MRAcquisitionType": "3D",
        "MagneticFieldStrength": 3.0,
        "Manufacturer": "SIEMENS",
        "ManufacturerModelName": "TrioTim",
        "Modality": "MR",
        "NumberOfAverages": 1.0,
        "NumberOfPhaseEncodingSteps": 255,
        "PercentPhaseFieldOfView": 100.0,
        "PercentSampling": 100.0,
        "PerformedProcedureStepStartTime": "085933.765000",
        "PhotometricInterpretation": "MONOCHROME2",
        "PixelBandwidth": 170.0,
        "PixelRepresentation": 0,
        "PixelSpacing": [
          1.0,
          1.0
        ],
        "ProtocolName": "t1_mpr_ns_sag_p2_iso_12Channel",
        "RepetitionTime": 1900.0,
        "Rows": 256,
        "SAR": 0.14931537482276,
        "SamplesPerPixel": 1,
        "ScanOptions": "IR",
        "ScanningSequence": [
          "GR",
          "IR"
        ],
        "SequenceName": "*tfl3d1_ns",
        "SequenceVariant": [
          "SP",
          "MP"
        ],
        "SeriesDescription": "t1_mpr_ns_sag_p2_iso_12Channel",
        "SeriesNumber": 2,
        "SeriesTime": "091344.640000",
        "SliceThickness": 1.0,
        "SmallestImagePixelValue": 0,
        "SoftwareVersions": "syngo MR B19",
        "SpecificCharacterSet": "ISO_IR 100",
        "StudyID": "1",
        "StudyTime": "085933.437000",
        "TransmitCoilName": "Body",
        "VariableFlipAngleFlag": "N",
        "dBdt": 0.0
      },
