{
  "bids_meta": {
    "AcquisitionMatrixPE": 262,
    "AcquisitionNumber": 1,
    "AcquisitionTime": "09:13:51.230000",
    "BaseResolution": 256,
    "CoilString": "T:HEA;HEP",
    "ConversionSoftware": "dcm2niix",
    "ConversionSoftwareVersion": "v1.0.20190902",
    "DeviceSerialNumber": "35450",
    "DwellTime": 2.6e-06,
    "EchoTime": 0.494,
    "EchoTrainLength": 147,
    "FlipAngle": 120,
    "ImageOrientationPatientDICOM": [
      -0.012217,
      0.999925,
      -2.00288e-08,
      0.0279196,
      0.000341098,
      -0.99961
    ],
    "ImageType": [
      "ORIGINAL",
      "PRIMARY",
      "M",
      "ND"
    ],
    "ImagingFrequency": 123.219,
    "InPlanePhaseEncodingDirectionDICOM": "ROW",
    "InstitutionAddress": "Univeristy_Ave._197_Newark_North_East_US_07102-1814",
    "InstitutionName": "RUBIC",
    "InstitutionalDepartmentName": "Department",
    "MRAcquisitionType": "3D",
    "MagneticFieldStrength": 3,
    "Manufacturer": "Siemens",
    "ManufacturersModelName": "TrioTim",
    "Modality": "MR",
    "ParallelReductionFactorInPlane": 2,
    "PartialFourier": 1,
    "PatientPosition": "HFS",
    "PercentPhaseFOV": 100,
    "PhaseEncodingSteps": 258,
    "PhaseResolution": 1.02344,
    "PixelBandwidth": 751,
    "ProcedureStepDescription": "Krekelberg_David",
    "ProtocolName": "t2_spc_sag_p2_iso",
    "PulseSequenceDetails": "%SiemensSeq%_tse_vfl",
    "ReceiveCoilName": "HeadMatrix",
    "ReconMatrixPE": 256,
    "RefLinesPE": 32,
    "RepetitionTime": 3.2,
    "SAR": 0.435847,
    "ScanOptions": "PFP",
    "ScanningSequence": "SE",
    "SequenceName": "_spc3d1_294ns",
    "SequenceVariant": "SK_SP",
    "SeriesDescription": "t2_spc_sag_p2_iso",
    "SeriesNumber": 3,
    "ShimSetting": [
      1962,
      -560,
      -7993,
      406,
      72,
      417,
      -339,
      -235
    ],
    "SliceThickness": 1,
    "SoftwareVersions": "syngo_MR_B19",
    "StationName": "MRC35450",
    "TxRefAmp": 435.438,
    "dataset": "<unset>",
    "dcmmeta_affine": [
      [
        0.9995355010032654,
        -0.012216964736580849,
        0.027919568121433258,
        -87.41964721679688
      ],
      [
        0.012212201952934265,
        0.9999253749847412,
        0.00034109779517166317,
        -92.1771469116211
      ],
      [
        -0.0279216505587101,
        2.0028750213896274e-08,
        0.9996101260185242,
        -143.49038696289062
      ],
      [
        0.0,
        0.0,
        0.0,
        1.0
      ]
    ],
    "dcmmeta_reorient_transform": [
      [
        0.0,
        0.0,
        -1.0,
        255.0
      ],
      [
        0.0,
        -1.0,
        0.0,
        255.0
      ],
      [
        -1.0,
        0.0,
        0.0,
        175.0
      ],
      [
        0.0,
        0.0,
        0.0,
        1.0
      ]
    ],
    "dcmmeta_shape": [
      176,
      256,
      256
    ],
    "dcmmeta_slice_dim": 0,
    "dcmmeta_version": 0.6,
    "global": {
      "const": {
        "AcquisitionMatrix": [
          0,
          256,
          262,
          0
        ],
        "AcquisitionNumber": 1,
        "AcquisitionTime": "091351.230000",
        "AngioFlag": "N",
        "BitsAllocated": 16,
        "BitsStored": 12,
        "Columns": 256,
        "EchoNumbers": 1,
        "EchoTime": 494.0,
        "EchoTrainLength": 147,
        "FlipAngle": 120.0,
        "HighBit": 11,
        "ImageOrientationPatient": [
          -0.0122169643219,
          0.99992537010657,
          -2.002875e-08,
          0.02791956738266,
          0.00034109779375,
          -0.9996101146995
        ],
        "ImageType": [
          "ORIGINAL",
          "PRIMARY",
          "M",
          "ND"
        ],
        "ImagedNucleus": "1H",
        "ImagingFrequency": 123.218613,
        "InPlanePhaseEncodingDirection": "ROW",
        "MRAcquisitionType": "3D",
        "MagneticFieldStrength": 3.0,
        "Manufacturer": "SIEMENS",
        "ManufacturerModelName": "TrioTim",
        "Modality": "MR",
        "NumberOfAverages": 1.0,
        "NumberOfPhaseEncodingSteps": 258,
        "PercentPhaseFieldOfView": 100.0,
        "PercentSampling": 102.3438,
        "PerformedProcedureStepStartTime": "085933.765000",
        "PhotometricInterpretation": "MONOCHROME2",
        "PixelBandwidth": 751.0,
        "PixelRepresentation": 0,
        "PixelSpacing": [
          1.0,
          1.0
        ],
        "ProtocolName": "t2_spc_sag_p2_iso",
        "RepetitionTime": 3200.0,
        "Rows": 256,
        "SAR": 0.43584671121119,
        "SamplesPerPixel": 1,
        "ScanOptions": "PFP",
        "ScanningSequence": "SE",
        "SequenceName": "*spc3d1_294ns",
        "SequenceVariant": [
          "SK",
          "SP"
        ],
        "SeriesDescription": "t2_spc_sag_p2_iso",
        "SeriesNumber": 3,
        "SeriesTime": "091839.968000",
        "SliceThickness": 1.0,
        "SmallestImagePixelValue": 0,
        "SoftwareVersions": "syngo MR B19",
        "SpecificCharacterSet": "ISO_IR 100",
        "StudyID": "1",
        "StudyTime": "085933.437000",
        "TransmitCoilName": "Body",
        "VariableFlipAngleFlag": "Y",
        "WindowCenterWidthExplanation": "Algo1",
        "dBdt": 0.0
      },
